STORAGE: NONE
STRATEGY: MIN
RESTRICTION: || (== net461) (== netcoreapp2.1) (== netstandard2.0)
NUGET
  remote: https://api.nuget.org/v3/index.json
    FSharp.Core (4.2.3)
      System.Collections (>= 4.0.11) - restriction: || (&& (== net461) (< net45) (>= netstandard1.6)) (== netcoreapp2.1) (== netstandard2.0)
      System.Console (>= 4.0) - restriction: || (&& (== net461) (< net45) (>= netstandard1.6)) (== netcoreapp2.1) (== netstandard2.0)
      System.Diagnostics.Debug (>= 4.0.11) - restriction: || (&& (== net461) (< net45) (>= netstandard1.6)) (== netcoreapp2.1) (== netstandard2.0)
      System.Diagnostics.Tools (>= 4.0.1) - restriction: || (&& (== net461) (< net45) (>= netstandard1.6)) (== netcoreapp2.1) (== netstandard2.0)
      System.Globalization (>= 4.0.11) - restriction: || (&& (== net461) (< net45) (>= netstandard1.6)) (== netcoreapp2.1) (== netstandard2.0)
      System.IO (>= 4.1) - restriction: || (&& (== net461) (< net45) (>= netstandard1.6)) (== netcoreapp2.1) (== netstandard2.0)
      System.Linq (>= 4.1) - restriction: || (&& (== net461) (< net45) (>= netstandard1.6)) (== netcoreapp2.1) (== netstandard2.0)
      System.Linq.Expressions (>= 4.1) - restriction: || (&& (== net461) (< net45) (>= netstandard1.6)) (== netcoreapp2.1) (== netstandard2.0)
      System.Linq.Queryable (>= 4.0.1) - restriction: || (&& (== net461) (< net45) (>= netstandard1.6)) (== netcoreapp2.1) (== netstandard2.0)
      System.Net.Requests (>= 4.0.11) - restriction: || (&& (== net461) (< net45) (>= netstandard1.6)) (== netcoreapp2.1) (== netstandard2.0)
      System.Reflection (>= 4.1) - restriction: || (&& (== net461) (< net45) (>= netstandard1.6)) (== netcoreapp2.1) (== netstandard2.0)
      System.Reflection.Extensions (>= 4.0.1) - restriction: || (&& (== net461) (< net45) (>= netstandard1.6)) (== netcoreapp2.1) (== netstandard2.0)
      System.Resources.ResourceManager (>= 4.0.1) - restriction: || (&& (== net461) (< net45) (>= netstandard1.6)) (== netcoreapp2.1) (== netstandard2.0)
      System.Runtime (>= 4.1) - restriction: || (&& (== net461) (< net45) (>= netstandard1.6)) (== netcoreapp2.1) (== netstandard2.0)
      System.Runtime.Extensions (>= 4.1) - restriction: || (&& (== net461) (< net45) (>= netstandard1.6)) (== netcoreapp2.1) (== netstandard2.0)
      System.Runtime.Numerics (>= 4.0.1) - restriction: || (&& (== net461) (< net45) (>= netstandard1.6)) (== netcoreapp2.1) (== netstandard2.0)
      System.Text.RegularExpressions (>= 4.1) - restriction: || (&& (== net461) (< net45) (>= netstandard1.6)) (== netcoreapp2.1) (== netstandard2.0)
      System.Threading (>= 4.0.11) - restriction: || (&& (== net461) (< net45) (>= netstandard1.6)) (== netcoreapp2.1) (== netstandard2.0)
      System.Threading.Tasks (>= 4.0.11) - restriction: || (&& (== net461) (< net45) (>= netstandard1.6)) (== netcoreapp2.1) (== netstandard2.0)
      System.Threading.Tasks.Parallel (>= 4.0.1) - restriction: || (&& (== net461) (< net45) (>= netstandard1.6)) (== netcoreapp2.1) (== netstandard2.0)
      System.Threading.Thread (>= 4.0) - restriction: || (&& (== net461) (< net45) (>= netstandard1.6)) (== netcoreapp2.1) (== netstandard2.0)
      System.Threading.ThreadPool (>= 4.0.10) - restriction: || (&& (== net461) (< net45) (>= netstandard1.6)) (== netcoreapp2.1) (== netstandard2.0)
      System.Threading.Timer (>= 4.0.1) - restriction: || (&& (== net461) (< net45) (>= netstandard1.6)) (== netcoreapp2.1) (== netstandard2.0)
    Microsoft.AspNetCore.WebUtilities (2.0)
      Microsoft.Net.Http.Headers (>= 2.0) - restriction: || (&& (== net461) (>= netstandard2.0)) (== netcoreapp2.1) (== netstandard2.0)
      System.Text.Encodings.Web (>= 4.4) - restriction: || (&& (== net461) (>= netstandard2.0)) (== netcoreapp2.1) (== netstandard2.0)
    Microsoft.Extensions.Primitives (2.0) - restriction: || (&& (== net461) (>= netstandard2.0)) (== netcoreapp2.1) (== netstandard2.0)
      System.Runtime.CompilerServices.Unsafe (>= 4.4) - restriction: || (&& (== net461) (>= netstandard2.0)) (== netcoreapp2.1) (== netstandard2.0)
    Microsoft.Net.Http.Headers (2.0) - restriction: || (&& (== net461) (>= netstandard2.0)) (== netcoreapp2.1) (== netstandard2.0)
      Microsoft.Extensions.Primitives (>= 2.0) - restriction: || (&& (== net461) (>= netstandard2.0)) (== netcoreapp2.1) (== netstandard2.0)
      System.Buffers (>= 4.4) - restriction: || (&& (== net461) (>= netstandard2.0)) (== netcoreapp2.1) (== netstandard2.0)
    Microsoft.NETCore.Platforms (1.0.1) - restriction: || (&& (== net461) (< net45) (>= netstandard1.6)) (== netcoreapp2.1) (== netstandard2.0)
    Microsoft.NETCore.Targets (1.0.1) - restriction: || (&& (== net461) (< net45) (>= netstandard1.6)) (== netcoreapp2.1) (== netstandard2.0)
    runtime.native.System (4.0) - restriction: || (&& (== net461) (< net45) (>= netstandard1.6)) (== netcoreapp2.1) (== netstandard2.0)
      Microsoft.NETCore.Platforms (>= 1.0.1)
      Microsoft.NETCore.Targets (>= 1.0.1)
    runtime.native.System.Net.Http (4.0.1) - restriction: || (&& (== net461) (< net45) (>= netstandard1.6)) (== netcoreapp2.1) (== netstandard2.0)
      Microsoft.NETCore.Platforms (>= 1.0.1)
      Microsoft.NETCore.Targets (>= 1.0.1)
    runtime.native.System.Security.Cryptography (4.0) - restriction: || (&& (== net461) (< net45) (>= netstandard1.6)) (== netcoreapp2.1) (== netstandard2.0)
      Microsoft.NETCore.Platforms (>= 1.0.1)
      Microsoft.NETCore.Targets (>= 1.0.1)
    System.Buffers (4.4) - restriction: || (&& (== net461) (>= netstandard2.0)) (== netcoreapp2.1) (== netstandard2.0)
    System.Collections (4.0.11) - restriction: || (&& (== net461) (< net45) (>= netstandard1.6)) (== netcoreapp2.1) (== netstandard2.0)
      Microsoft.NETCore.Platforms (>= 1.0.1) - restriction: || (&& (== net461) (< net45)) (== netcoreapp2.1) (== netstandard2.0)
      Microsoft.NETCore.Targets (>= 1.0.1) - restriction: || (&& (== net461) (< net45)) (== netcoreapp2.1) (== netstandard2.0)
      System.Runtime (>= 4.1) - restriction: || (&& (== net461) (< net45)) (== netcoreapp2.1) (== netstandard2.0)
    System.Collections.Concurrent (4.0.12) - restriction: || (&& (== net461) (< net45) (>= netstandard1.6)) (== netcoreapp2.1) (== netstandard2.0)
      System.Collections (>= 4.0.11) - restriction: || (&& (== net461) (< net45)) (== netcoreapp2.1) (== netstandard2.0)
      System.Diagnostics.Debug (>= 4.0.11) - restriction: || (&& (== net461) (< net45)) (== netcoreapp2.1) (== netstandard2.0)
      System.Diagnostics.Tracing (>= 4.1) - restriction: || (&& (== net461) (< net45)) (== netcoreapp2.1) (== netstandard2.0)
      System.Globalization (>= 4.0.11) - restriction: || (&& (== net461) (< net45)) (== netcoreapp2.1) (== netstandard2.0)
      System.Reflection (>= 4.1) - restriction: || (&& (== net461) (< net45)) (== netcoreapp2.1) (== netstandard2.0)
      System.Resources.ResourceManager (>= 4.0.1) - restriction: || (&& (== net461) (< net45)) (== netcoreapp2.1) (== netstandard2.0)
      System.Runtime (>= 4.1) - restriction: || (&& (== net461) (< net45)) (== netcoreapp2.1) (== netstandard2.0)
      System.Runtime.Extensions (>= 4.1) - restriction: || (&& (== net461) (< net45)) (== netcoreapp2.1) (== netstandard2.0)
      System.Threading (>= 4.0.11) - restriction: || (&& (== net461) (< net45)) (== netcoreapp2.1) (== netstandard2.0)
      System.Threading.Tasks (>= 4.0.11) - restriction: || (&& (== net461) (< net45)) (== netcoreapp2.1) (== netstandard2.0)
    System.Console (4.0) - restriction: || (&& (== net461) (< net45) (>= netstandard1.6)) (== netcoreapp2.1) (== netstandard2.0)
      Microsoft.NETCore.Platforms (>= 1.0.1) - restriction: || (&& (== net461) (< net46)) (== netcoreapp2.1) (== netstandard2.0)
      Microsoft.NETCore.Targets (>= 1.0.1) - restriction: || (&& (== net461) (< net46)) (== netcoreapp2.1) (== netstandard2.0)
      System.IO (>= 4.1) - restriction: || (&& (== net461) (< net46)) (== netcoreapp2.1) (== netstandard2.0)
      System.Runtime (>= 4.1) - restriction: || (&& (== net461) (< net46)) (== netcoreapp2.1) (== netstandard2.0)
      System.Text.Encoding (>= 4.0.11) - restriction: || (&& (== net461) (< net46)) (== netcoreapp2.1) (== netstandard2.0)
    System.Diagnostics.Debug (4.0.11) - restriction: || (&& (== net461) (< net45) (>= netstandard1.6)) (== netcoreapp2.1) (== netstandard2.0)
      Microsoft.NETCore.Platforms (>= 1.0.1) - restriction: || (&& (== net461) (< net45)) (== netcoreapp2.1) (== netstandard2.0)
      Microsoft.NETCore.Targets (>= 1.0.1) - restriction: || (&& (== net461) (< net45)) (== netcoreapp2.1) (== netstandard2.0)
      System.Runtime (>= 4.1) - restriction: || (&& (== net461) (< net45)) (== netcoreapp2.1) (== netstandard2.0)
    System.Diagnostics.DiagnosticSource (4.0) - restriction: || (&& (== net461) (< net45) (>= netstandard1.6)) (== netcoreapp2.1) (== netstandard2.0)
      System.Collections (>= 4.0.11) - restriction: || (&& (== net461) (< net45)) (== netcoreapp2.1) (== netstandard2.0)
      System.Diagnostics.Tracing (>= 4.1) - restriction: || (&& (== net461) (< net45)) (== netcoreapp2.1) (== netstandard2.0)
      System.Reflection (>= 4.1) - restriction: || (&& (== net461) (< net45)) (== netcoreapp2.1) (== netstandard2.0)
      System.Runtime (>= 4.1) - restriction: || (&& (== net461) (< net45)) (== netcoreapp2.1) (== netstandard2.0)
      System.Threading (>= 4.0.11) - restriction: || (&& (== net461) (< net45)) (== netcoreapp2.1) (== netstandard2.0)
    System.Diagnostics.Tools (4.0.1) - restriction: || (&& (== net461) (< net45) (>= netstandard1.6)) (== netcoreapp2.1) (== netstandard2.0)
      Microsoft.NETCore.Platforms (>= 1.0.1) - restriction: || (&& (== net461) (< net45)) (== netcoreapp2.1) (== netstandard2.0)
      Microsoft.NETCore.Targets (>= 1.0.1) - restriction: || (&& (== net461) (< net45)) (== netcoreapp2.1) (== netstandard2.0)
      System.Runtime (>= 4.1) - restriction: || (&& (== net461) (< net45)) (== netcoreapp2.1) (== netstandard2.0)
    System.Diagnostics.Tracing (4.1) - restriction: || (&& (== net461) (< net45) (>= netstandard1.6)) (== netcoreapp2.1) (== netstandard2.0)
      Microsoft.NETCore.Platforms (>= 1.0.1) - restriction: || (&& (== net461) (< net45)) (== netcoreapp2.1) (== netstandard2.0)
      Microsoft.NETCore.Targets (>= 1.0.1) - restriction: || (&& (== net461) (< net45)) (== netcoreapp2.1) (== netstandard2.0)
      System.Runtime (>= 4.1) - restriction: || (&& (== net461) (< net45)) (== netcoreapp2.1) (== netstandard2.0)
    System.Globalization (4.0.11) - restriction: || (&& (== net461) (< net45) (>= netstandard1.6)) (== netcoreapp2.1) (== netstandard2.0)
      Microsoft.NETCore.Platforms (>= 1.0.1) - restriction: || (&& (== net461) (< net45)) (== netcoreapp2.1) (== netstandard2.0)
      Microsoft.NETCore.Targets (>= 1.0.1) - restriction: || (&& (== net461) (< net45)) (== netcoreapp2.1) (== netstandard2.0)
      System.Runtime (>= 4.1) - restriction: || (&& (== net461) (< net45)) (== netcoreapp2.1) (== netstandard2.0)
    System.Globalization.Calendars (4.0.1) - restriction: || (&& (== net461) (< net45) (>= netstandard1.6)) (== netcoreapp2.1) (== netstandard2.0)
      Microsoft.NETCore.Platforms (>= 1.0.1) - restriction: || (&& (== net461) (< net46)) (== netcoreapp2.1) (== netstandard2.0)
      Microsoft.NETCore.Targets (>= 1.0.1) - restriction: || (&& (== net461) (< net46)) (== netcoreapp2.1) (== netstandard2.0)
      System.Globalization (>= 4.0.11) - restriction: || (&& (== net461) (< net46)) (== netcoreapp2.1) (== netstandard2.0)
      System.Runtime (>= 4.1) - restriction: || (&& (== net461) (< net46)) (== netcoreapp2.1) (== netstandard2.0)
    System.Globalization.Extensions (4.0.1) - restriction: || (&& (== net461) (< net45) (>= netstandard1.6)) (== netcoreapp2.1) (== netstandard2.0)
      Microsoft.NETCore.Platforms (>= 1.0.1) - restriction: || (&& (== net461) (< net46)) (== netcoreapp2.1) (== netstandard2.0)
      System.Globalization (>= 4.0.11) - restriction: || (&& (== net461) (< net46)) (== netcoreapp2.1) (== netstandard2.0)
      System.Resources.ResourceManager (>= 4.0.1) - restriction: || (&& (== net461) (< net46)) (== netcoreapp2.1) (== netstandard2.0)
      System.Runtime (>= 4.1) - restriction: || (&& (== net461) (< net46)) (== netcoreapp2.1) (== netstandard2.0)
      System.Runtime.Extensions (>= 4.1) - restriction: || (&& (== net461) (< net46)) (== netcoreapp2.1) (== netstandard2.0)
      System.Runtime.InteropServices (>= 4.1) - restriction: || (&& (== net461) (< net46)) (== netcoreapp2.1) (== netstandard2.0)
    System.IO (4.1) - restriction: || (&& (== net461) (< net45) (>= netstandard1.6)) (== netcoreapp2.1) (== netstandard2.0)
      Microsoft.NETCore.Platforms (>= 1.0.1) - restriction: || (&& (== net461) (< net45)) (== netcoreapp2.1) (== netstandard2.0)
      Microsoft.NETCore.Targets (>= 1.0.1) - restriction: || (&& (== net461) (< net45)) (== netcoreapp2.1) (== netstandard2.0)
      System.Runtime (>= 4.1) - restriction: || (&& (== net461) (< net45)) (== netcoreapp2.1) (== netstandard2.0)
      System.Text.Encoding (>= 4.0.11) - restriction: || (&& (== net461) (< net45)) (== netcoreapp2.1) (== netstandard2.0)
      System.Threading.Tasks (>= 4.0.11) - restriction: || (&& (== net461) (< net45)) (== netcoreapp2.1) (== netstandard2.0)
    System.IO.FileSystem (4.0.1) - restriction: || (&& (== net461) (< net45) (>= netstandard1.6)) (== netcoreapp2.1) (== netstandard2.0)
      Microsoft.NETCore.Platforms (>= 1.0.1) - restriction: || (&& (== net461) (< net46)) (== netcoreapp2.1) (== netstandard2.0)
      Microsoft.NETCore.Targets (>= 1.0.1) - restriction: || (&& (== net461) (< net46)) (== netcoreapp2.1) (== netstandard2.0)
      System.IO (>= 4.1) - restriction: || (&& (== net461) (< net46)) (== netcoreapp2.1) (== netstandard2.0)
      System.IO.FileSystem.Primitives (>= 4.0.1)
      System.Runtime (>= 4.1) - restriction: || (&& (== net461) (< net46)) (== netcoreapp2.1) (== netstandard2.0)
      System.Runtime.Handles (>= 4.0.1) - restriction: || (&& (== net461) (< net46)) (== netcoreapp2.1) (== netstandard2.0)
      System.Text.Encoding (>= 4.0.11) - restriction: || (&& (== net461) (< net46)) (== netcoreapp2.1) (== netstandard2.0)
      System.Threading.Tasks (>= 4.0.11) - restriction: || (&& (== net461) (< net46)) (== netcoreapp2.1) (== netstandard2.0)
    System.IO.FileSystem.Primitives (4.0.1) - restriction: || (&& (== net461) (< net45) (>= netstandard1.6)) (== netcoreapp2.1) (== netstandard2.0)
      System.Runtime (>= 4.1) - restriction: || (&& (== net461) (< net46)) (== netcoreapp2.1) (== netstandard2.0)
    System.Linq (4.1) - restriction: || (&& (== net461) (< net45) (>= netstandard1.6)) (== netcoreapp2.1) (== netstandard2.0)
      System.Collections (>= 4.0.11) - restriction: || (&& (== net461) (< net45)) (== netcoreapp2.1) (== netstandard2.0)
      System.Diagnostics.Debug (>= 4.0.11) - restriction: || (&& (== net461) (< net45) (>= netstandard1.6)) (== netcoreapp2.1) (== netstandard2.0)
      System.Resources.ResourceManager (>= 4.0.1) - restriction: || (&& (== net461) (< net45) (>= netstandard1.6)) (== netcoreapp2.1) (== netstandard2.0)
      System.Runtime (>= 4.1) - restriction: || (&& (== net461) (< net45)) (== netcoreapp2.1) (== netstandard2.0)
      System.Runtime.Extensions (>= 4.1) - restriction: || (&& (== net461) (< net45) (>= netstandard1.6)) (== netcoreapp2.1) (== netstandard2.0)
    System.Linq.Expressions (4.1) - restriction: || (&& (== net461) (< net45) (>= netstandard1.6)) (== netcoreapp2.1) (== netstandard2.0)
      System.Collections (>= 4.0.11) - restriction: || (&& (== net461) (< net45) (>= netstandard1.6)) (== netcoreapp2.1) (== netstandard2.0)
      System.Diagnostics.Debug (>= 4.0.11) - restriction: || (&& (== net461) (< net45) (>= netstandard1.6)) (== netcoreapp2.1) (== netstandard2.0)
      System.Globalization (>= 4.0.11) - restriction: || (&& (== net461) (< net45) (>= netstandard1.6)) (== netcoreapp2.1) (== netstandard2.0)
      System.IO (>= 4.1) - restriction: || (&& (== net461) (< net45) (>= netstandard1.6)) (== netcoreapp2.1) (== netstandard2.0)
      System.Linq (>= 4.1) - restriction: || (&& (== net461) (< net45) (>= netstandard1.6)) (== netcoreapp2.1) (== netstandard2.0)
      System.ObjectModel (>= 4.0.12) - restriction: || (&& (== net461) (< net45) (>= netstandard1.6)) (== netcoreapp2.1) (== netstandard2.0)
      System.Reflection (>= 4.1) - restriction: || (&& (== net461) (< net45)) (== netcoreapp2.1) (== netstandard2.0)
      System.Reflection.Emit (>= 4.0.1) - restriction: || (&& (== net461) (< net45) (>= netstandard1.6)) (== netcoreapp2.1) (== netstandard2.0)
      System.Reflection.Emit.ILGeneration (>= 4.0.1) - restriction: || (&& (== net461) (< net45) (>= netstandard1.6)) (== netcoreapp2.1) (== netstandard2.0)
      System.Reflection.Emit.Lightweight (>= 4.0.1) - restriction: || (&& (== net461) (< net45) (>= netstandard1.6)) (== netcoreapp2.1) (== netstandard2.0)
      System.Reflection.Extensions (>= 4.0.1) - restriction: || (&& (== net461) (< net45) (>= netstandard1.6)) (== netcoreapp2.1) (== netstandard2.0)
      System.Reflection.Primitives (>= 4.0.1) - restriction: || (&& (== net461) (< net45) (>= netstandard1.6)) (== netcoreapp2.1) (== netstandard2.0)
      System.Reflection.TypeExtensions (>= 4.1) - restriction: || (&& (== net461) (< net45) (>= netstandard1.6)) (== netcoreapp2.1) (== netstandard2.0)
      System.Resources.ResourceManager (>= 4.0.1) - restriction: || (&& (== net461) (< net45) (>= netstandard1.6)) (== netcoreapp2.1) (== netstandard2.0)
      System.Runtime (>= 4.1) - restriction: || (&& (== net461) (< net45)) (== netcoreapp2.1) (== netstandard2.0)
      System.Runtime.Extensions (>= 4.1) - restriction: || (&& (== net461) (< net45) (>= netstandard1.6)) (== netcoreapp2.1) (== netstandard2.0)
      System.Threading (>= 4.0.11) - restriction: || (&& (== net461) (< net45) (>= netstandard1.6)) (== netcoreapp2.1) (== netstandard2.0)
    System.Linq.Queryable (4.0.1) - restriction: || (&& (== net461) (< net45) (>= netstandard1.6)) (== netcoreapp2.1) (== netstandard2.0)
      System.Collections (>= 4.0.11) - restriction: || (&& (== net461) (< net45)) (== netcoreapp2.1) (== netstandard2.0)
      System.Diagnostics.Debug (>= 4.0.11) - restriction: || (&& (== net461) (< net45)) (== netcoreapp2.1) (== netstandard2.0)
      System.Linq (>= 4.1) - restriction: || (&& (== net461) (< net45)) (== netcoreapp2.1) (== netstandard2.0)
      System.Linq.Expressions (>= 4.1) - restriction: || (&& (== net461) (< net45)) (== netcoreapp2.1) (== netstandard2.0)
      System.Reflection (>= 4.1) - restriction: || (&& (== net461) (< net45)) (== netcoreapp2.1) (== netstandard2.0)
      System.Reflection.Extensions (>= 4.0.1) - restriction: || (&& (== net461) (< net45)) (== netcoreapp2.1) (== netstandard2.0)
      System.Resources.ResourceManager (>= 4.0.1) - restriction: || (&& (== net461) (< net45)) (== netcoreapp2.1) (== netstandard2.0)
      System.Runtime (>= 4.1) - restriction: || (&& (== net461) (< net45)) (== netcoreapp2.1) (== netstandard2.0)
    System.Net.Http (4.1) - restriction: || (&& (== net461) (< net45) (>= netstandard1.6)) (== netcoreapp2.1) (== netstandard2.0)
      Microsoft.NETCore.Platforms (>= 1.0.1) - restriction: || (&& (== net461) (< net45)) (== netcoreapp2.1) (== netstandard2.0)
      runtime.native.System (>= 4.0) - restriction: || (&& (== net461) (< net45) (>= netstandard1.6)) (== netcoreapp2.1) (== netstandard2.0)
      runtime.native.System.Net.Http (>= 4.0.1) - restriction: || (&& (== net461) (< net45) (>= netstandard1.6)) (== netcoreapp2.1) (== netstandard2.0)
      runtime.native.System.Security.Cryptography (>= 4.0) - restriction: || (&& (== net461) (< net45) (>= netstandard1.6)) (== netcoreapp2.1) (== netstandard2.0)
      System.Collections (>= 4.0.11) - restriction: || (&& (== net461) (< net45)) (== netcoreapp2.1) (== netstandard2.0)
      System.Diagnostics.Debug (>= 4.0.11) - restriction: || (&& (== net461) (< net45)) (== netcoreapp2.1) (== netstandard2.0)
      System.Diagnostics.DiagnosticSource (>= 4.0)
      System.Diagnostics.Tracing (>= 4.1) - restriction: || (&& (== net461) (< net45)) (== netcoreapp2.1) (== netstandard2.0)
      System.Globalization (>= 4.0.11) - restriction: || (&& (== net461) (< net45)) (== netcoreapp2.1) (== netstandard2.0)
      System.Globalization.Extensions (>= 4.0.1) - restriction: || (&& (== net461) (< net45) (>= netstandard1.6)) (== netcoreapp2.1) (== netstandard2.0)
      System.IO (>= 4.1) - restriction: || (&& (== net461) (< net45)) (== netcoreapp2.1) (== netstandard2.0)
      System.IO.FileSystem (>= 4.0.1) - restriction: || (&& (== net461) (< net45) (>= netstandard1.6)) (== netcoreapp2.1) (== netstandard2.0)
      System.Net.Primitives (>= 4.0.11) - restriction: || (&& (== net461) (< net45)) (== netcoreapp2.1) (== netstandard2.0)
      System.Resources.ResourceManager (>= 4.0.1) - restriction: || (&& (== net461) (< net45)) (== netcoreapp2.1) (== netstandard2.0)
      System.Runtime (>= 4.1) - restriction: || (&& (== net461) (< net45)) (== netcoreapp2.1) (== netstandard2.0)
      System.Runtime.Extensions (>= 4.1) - restriction: || (&& (== net461) (< net45)) (== netcoreapp2.1) (== netstandard2.0)
      System.Runtime.Handles (>= 4.0.1) - restriction: || (&& (== net461) (< net45)) (== netcoreapp2.1) (== netstandard2.0)
      System.Runtime.InteropServices (>= 4.1) - restriction: || (&& (== net461) (< net45)) (== netcoreapp2.1) (== netstandard2.0)
      System.Security.Cryptography.Algorithms (>= 4.2) - restriction: || (&& (== net461) (< net45) (>= netstandard1.6)) (== netcoreapp2.1) (== netstandard2.0)
      System.Security.Cryptography.Encoding (>= 4.0) - restriction: || (&& (== net461) (< net45) (>= netstandard1.6)) (== netcoreapp2.1) (== netstandard2.0)
      System.Security.Cryptography.OpenSsl (>= 4.0) - restriction: || (&& (== net461) (< net45) (>= netstandard1.6)) (== netcoreapp2.1) (== netstandard2.0)
      System.Security.Cryptography.Primitives (>= 4.0) - restriction: || (&& (== net461) (< net45) (>= netstandard1.6)) (== netcoreapp2.1) (== netstandard2.0)
      System.Security.Cryptography.X509Certificates (>= 4.1)
      System.Text.Encoding (>= 4.0.11) - restriction: || (&& (== net461) (< net45)) (== netcoreapp2.1) (== netstandard2.0)
      System.Threading (>= 4.0.11) - restriction: || (&& (== net461) (< net45)) (== netcoreapp2.1) (== netstandard2.0)
      System.Threading.Tasks (>= 4.0.11) - restriction: || (&& (== net461) (< net45)) (== netcoreapp2.1) (== netstandard2.0)
    System.Net.Primitives (4.0.11) - restriction: || (&& (== net461) (< net45) (>= netstandard1.6)) (&& (== net461) (< netstandard1.1) (>= netstandard1.6)) (== netcoreapp2.1) (== netstandard2.0)
      Microsoft.NETCore.Platforms (>= 1.0.1) - restriction: || (&& (== net461) (< net45)) (&& (== net461) (< netstandard1.1)) (== netcoreapp2.1) (== netstandard2.0)
      Microsoft.NETCore.Targets (>= 1.0.1) - restriction: || (&& (== net461) (< net45)) (&& (== net461) (< netstandard1.1)) (== netcoreapp2.1) (== netstandard2.0)
      System.Runtime (>= 4.1) - restriction: || (&& (== net461) (< net45)) (&& (== net461) (< netstandard1.1)) (== netcoreapp2.1) (== netstandard2.0)
      System.Runtime.Handles (>= 4.0.1) - restriction: || (&& (== net461) (< net45)) (== netcoreapp2.1) (== netstandard2.0)
    System.Net.Requests (4.0.11) - restriction: || (&& (== net461) (< net45) (>= netstandard1.6)) (== netcoreapp2.1) (== netstandard2.0)
      Microsoft.NETCore.Platforms (>= 1.0.1) - restriction: || (&& (== net461) (< net45)) (== netcoreapp2.1) (== netstandard2.0)
      System.Collections (>= 4.0.11) - restriction: || (&& (== net461) (< net45)) (== netcoreapp2.1) (== netstandard2.0)
      System.Diagnostics.Debug (>= 4.0.11) - restriction: || (&& (== net461) (< net45)) (== netcoreapp2.1) (== netstandard2.0)
      System.Diagnostics.Tracing (>= 4.1) - restriction: || (&& (== net461) (< net45)) (== netcoreapp2.1) (== netstandard2.0)
      System.Globalization (>= 4.0.11) - restriction: || (&& (== net461) (< net45)) (== netcoreapp2.1) (== netstandard2.0)
      System.IO (>= 4.1) - restriction: || (&& (== net461) (< net45)) (&& (== net461) (< netstandard1.1)) (== netcoreapp2.1) (== netstandard2.0)
      System.Net.Http (>= 4.1) - restriction: || (&& (== net461) (< net45)) (== netcoreapp2.1) (== netstandard2.0)
      System.Net.Primitives (>= 4.0.11) - restriction: || (&& (== net461) (< net45)) (&& (== net461) (< netstandard1.1)) (== netcoreapp2.1) (== netstandard2.0)
      System.Net.WebHeaderCollection (>= 4.0.1) - restriction: || (&& (== net461) (< net45)) (== netcoreapp2.1) (== netstandard2.0)
      System.Resources.ResourceManager (>= 4.0.1) - restriction: || (&& (== net461) (< net45)) (== netcoreapp2.1) (== netstandard2.0)
      System.Runtime (>= 4.1) - restriction: || (&& (== net461) (< net45)) (&& (== net461) (< netstandard1.1)) (== netcoreapp2.1) (== netstandard2.0)
      System.Threading (>= 4.0.11) - restriction: || (&& (== net461) (< net45)) (== netcoreapp2.1) (== netstandard2.0)
      System.Threading.Tasks (>= 4.0.11) - restriction: || (&& (== net461) (< net45)) (== netcoreapp2.1) (== netstandard2.0)
    System.Net.WebHeaderCollection (4.0.1) - restriction: || (&& (== net461) (< net45) (>= netstandard1.6)) (== netcoreapp2.1) (== netstandard2.0)
      System.Collections (>= 4.0.11) - restriction: || (&& (== net461) (< net46)) (== netcoreapp2.1) (== netstandard2.0)
      System.Resources.ResourceManager (>= 4.0.1) - restriction: || (&& (== net461) (< net46)) (== netcoreapp2.1) (== netstandard2.0)
      System.Runtime (>= 4.1) - restriction: || (&& (== net461) (< net46)) (== netcoreapp2.1) (== netstandard2.0)
      System.Runtime.Extensions (>= 4.1) - restriction: || (&& (== net461) (< net46)) (== netcoreapp2.1) (== netstandard2.0)
    System.ObjectModel (4.0.12) - restriction: || (&& (== net461) (< net45) (>= netstandard1.6)) (== netcoreapp2.1) (== netstandard2.0)
      System.Collections (>= 4.0.11) - restriction: || (&& (== net461) (< net45)) (== netcoreapp2.1) (== netstandard2.0)
      System.Diagnostics.Debug (>= 4.0.11) - restriction: || (&& (== net461) (< net45)) (== netcoreapp2.1) (== netstandard2.0)
      System.Resources.ResourceManager (>= 4.0.1) - restriction: || (&& (== net461) (< net45)) (== netcoreapp2.1) (== netstandard2.0)
      System.Runtime (>= 4.1) - restriction: || (&& (== net461) (< net45)) (== netcoreapp2.1) (== netstandard2.0)
      System.Threading (>= 4.0.11) - restriction: || (&& (== net461) (< net45)) (== netcoreapp2.1) (== netstandard2.0)
    System.Reflection (4.1) - restriction: || (&& (== net461) (< net45) (>= netstandard1.6)) (== netcoreapp2.1) (== netstandard2.0)
      Microsoft.NETCore.Platforms (>= 1.0.1) - restriction: || (&& (== net461) (< net45)) (== netcoreapp2.1) (== netstandard2.0)
      Microsoft.NETCore.Targets (>= 1.0.1) - restriction: || (&& (== net461) (< net45)) (== netcoreapp2.1) (== netstandard2.0)
      System.IO (>= 4.1) - restriction: || (&& (== net461) (< net45)) (== netcoreapp2.1) (== netstandard2.0)
      System.Reflection.Primitives (>= 4.0.1) - restriction: || (&& (== net461) (< net45)) (== netcoreapp2.1) (== netstandard2.0)
      System.Runtime (>= 4.1) - restriction: || (&& (== net461) (< net45)) (== netcoreapp2.1) (== netstandard2.0)
    System.Reflection.Emit (4.0.1) - restriction: || (&& (== net461) (< net45) (>= netstandard1.6)) (== netcoreapp2.1) (== netstandard2.0)
      System.IO (>= 4.1) - restriction: || (&& (== net461) (< net45)) (== netcoreapp2.1) (== netstandard2.0)
      System.Reflection (>= 4.1) - restriction: || (&& (== net461) (< net45)) (== netcoreapp2.1) (== netstandard2.0)
      System.Reflection.Emit.ILGeneration (>= 4.0.1) - restriction: || (&& (== net461) (>= monotouch)) (&& (== net461) (< net45)) (&& (== net461) (>= xamarinios)) (&& (== net461) (>= xamarintvos)) (&& (== net461) (>= xamarinwatchos)) (== netcoreapp2.1) (== netstandard2.0)
      System.Reflection.Primitives (>= 4.0.1) - restriction: || (&& (== net461) (< net45)) (== netcoreapp2.1) (== netstandard2.0)
      System.Runtime (>= 4.1) - restriction: || (&& (== net461) (< net45)) (== netcoreapp2.1) (== netstandard2.0)
    System.Reflection.Emit.ILGeneration (4.0.1) - restriction: || (&& (== net461) (< net45) (>= netstandard1.6)) (== netcoreapp2.1) (== netstandard2.0)
      System.Reflection (>= 4.1) - restriction: || (&& (== net461) (< net45)) (== netcoreapp2.1) (== netstandard2.0)
      System.Reflection.Primitives (>= 4.0.1) - restriction: || (&& (== net461) (< net45)) (== netcoreapp2.1) (== netstandard2.0)
      System.Runtime (>= 4.1) - restriction: || (&& (== net461) (< net45)) (== netcoreapp2.1) (== netstandard2.0)
    System.Reflection.Emit.Lightweight (4.0.1) - restriction: || (&& (== net461) (< net45) (>= netstandard1.6)) (== netcoreapp2.1) (== netstandard2.0)
      System.Reflection (>= 4.1) - restriction: || (&& (== net461) (< net45)) (== netcoreapp2.1) (== netstandard2.0)
      System.Reflection.Emit.ILGeneration (>= 4.0.1) - restriction: || (&& (== net461) (>= monoandroid)) (&& (== net461) (>= monotouch)) (&& (== net461) (< net45)) (&& (== net461) (>= xamarinios)) (&& (== net461) (>= xamarinmac)) (&& (== net461) (>= xamarintvos)) (&& (== net461) (>= xamarinwatchos)) (== netcoreapp2.1) (== netstandard2.0)
      System.Reflection.Primitives (>= 4.0.1) - restriction: || (&& (== net461) (< net45)) (== netcoreapp2.1) (== netstandard2.0)
      System.Runtime (>= 4.1) - restriction: || (&& (== net461) (< net45)) (== netcoreapp2.1) (== netstandard2.0)
    System.Reflection.Extensions (4.0.1) - restriction: || (&& (== net461) (< net45) (>= netstandard1.6)) (== netcoreapp2.1) (== netstandard2.0)
      Microsoft.NETCore.Platforms (>= 1.0.1) - restriction: || (&& (== net461) (< net45)) (== netcoreapp2.1) (== netstandard2.0)
      Microsoft.NETCore.Targets (>= 1.0.1) - restriction: || (&& (== net461) (< net45)) (== netcoreapp2.1) (== netstandard2.0)
      System.Reflection (>= 4.1) - restriction: || (&& (== net461) (< net45)) (== netcoreapp2.1) (== netstandard2.0)
      System.Runtime (>= 4.1) - restriction: || (&& (== net461) (< net45)) (== netcoreapp2.1) (== netstandard2.0)
    System.Reflection.Primitives (4.0.1) - restriction: || (&& (== net461) (< net45) (>= netstandard1.6)) (== netcoreapp2.1) (== netstandard2.0)
      Microsoft.NETCore.Platforms (>= 1.0.1) - restriction: || (&& (== net461) (< net45)) (== netcoreapp2.1) (== netstandard2.0)
      Microsoft.NETCore.Targets (>= 1.0.1) - restriction: || (&& (== net461) (< net45)) (== netcoreapp2.1) (== netstandard2.0)
      System.Runtime (>= 4.1) - restriction: || (&& (== net461) (< net45)) (== netcoreapp2.1) (== netstandard2.0)
    System.Reflection.TypeExtensions (4.1) - restriction: || (&& (== net461) (< net45) (>= netstandard1.6)) (== netcoreapp2.1) (== netstandard2.0)
      System.Reflection (>= 4.1) - restriction: || (&& (== net461) (< net46)) (&& (== net461) (>= net462)) (== netcoreapp2.1) (== netstandard2.0)
      System.Runtime (>= 4.1) - restriction: || (&& (== net461) (< net46)) (== netcoreapp2.1) (== netstandard2.0)
    System.Resources.ResourceManager (4.0.1) - restriction: || (&& (== net461) (< net45) (>= netstandard1.6)) (== netcoreapp2.1) (== netstandard2.0)
      Microsoft.NETCore.Platforms (>= 1.0.1) - restriction: || (&& (== net461) (< net45)) (== netcoreapp2.1) (== netstandard2.0)
      Microsoft.NETCore.Targets (>= 1.0.1) - restriction: || (&& (== net461) (< net45)) (== netcoreapp2.1) (== netstandard2.0)
      System.Globalization (>= 4.0.11) - restriction: || (&& (== net461) (< net45)) (== netcoreapp2.1) (== netstandard2.0)
      System.Reflection (>= 4.1) - restriction: || (&& (== net461) (< net45)) (== netcoreapp2.1) (== netstandard2.0)
      System.Runtime (>= 4.1) - restriction: || (&& (== net461) (< net45)) (== netcoreapp2.1) (== netstandard2.0)
    System.Runtime (4.1) - restriction: || (&& (== net461) (< net45) (>= netstandard1.6)) (== netcoreapp2.1) (== netstandard2.0)
      Microsoft.NETCore.Platforms (>= 1.0.1) - restriction: || (&& (== net461) (< net45)) (== netcoreapp2.1) (== netstandard2.0)
      Microsoft.NETCore.Targets (>= 1.0.1) - restriction: || (&& (== net461) (< net45)) (== netcoreapp2.1) (== netstandard2.0)
    System.Runtime.CompilerServices.Unsafe (4.4) - restriction: || (&& (== net461) (>= netstandard2.0)) (== netcoreapp2.1) (== netstandard2.0)
    System.Runtime.Extensions (4.1) - restriction: || (&& (== net461) (< net45) (>= netstandard1.6)) (== netcoreapp2.1) (== netstandard2.0)
      Microsoft.NETCore.Platforms (>= 1.0.1) - restriction: || (&& (== net461) (< net45)) (== netcoreapp2.1) (== netstandard2.0)
      Microsoft.NETCore.Targets (>= 1.0.1) - restriction: || (&& (== net461) (< net45)) (== netcoreapp2.1) (== netstandard2.0)
      System.Runtime (>= 4.1) - restriction: || (&& (== net461) (< net45)) (== netcoreapp2.1) (== netstandard2.0)
    System.Runtime.Handles (4.0.1) - restriction: || (&& (== net461) (< net45) (>= netstandard1.6)) (== netcoreapp2.1) (== netstandard2.0)
      Microsoft.NETCore.Platforms (>= 1.0.1) - restriction: || (&& (== net461) (< net46)) (== netcoreapp2.1) (== netstandard2.0)
      Microsoft.NETCore.Targets (>= 1.0.1) - restriction: || (&& (== net461) (< net46)) (== netcoreapp2.1) (== netstandard2.0)
      System.Runtime (>= 4.1) - restriction: || (&& (== net461) (< net46)) (== netcoreapp2.1) (== netstandard2.0)
    System.Runtime.InteropServices (4.1) - restriction: || (&& (== net461) (< net45) (>= netstandard1.6)) (== netcoreapp2.1) (== netstandard2.0)
      Microsoft.NETCore.Platforms (>= 1.0.1) - restriction: || (&& (== net461) (< net45)) (== netcoreapp2.1) (== netstandard2.0)
      Microsoft.NETCore.Targets (>= 1.0.1) - restriction: || (&& (== net461) (< net45)) (== netcoreapp2.1) (== netstandard2.0)
      System.Reflection (>= 4.1) - restriction: || (&& (== net461) (< net45)) (== netcoreapp2.1) (== netstandard2.0)
      System.Reflection.Primitives (>= 4.0.1) - restriction: || (&& (== net461) (< net45)) (== netcoreapp2.1) (== netstandard2.0)
      System.Runtime (>= 4.1) - restriction: || (&& (== net461) (< net45)) (&& (== net461) (>= net462)) (== netcoreapp2.1) (== netstandard2.0)
      System.Runtime.Handles (>= 4.0.1) - restriction: || (&& (== net461) (< net45)) (== netcoreapp2.1) (== netstandard2.0)
    System.Runtime.Numerics (4.0.1) - restriction: || (&& (== net461) (< net45) (>= netstandard1.6)) (== netcoreapp2.1) (== netstandard2.0)
      System.Globalization (>= 4.0.11) - restriction: || (&& (== net461) (< net45)) (== netcoreapp2.1) (== netstandard2.0)
      System.Resources.ResourceManager (>= 4.0.1) - restriction: || (&& (== net461) (< net45)) (== netcoreapp2.1) (== netstandard2.0)
      System.Runtime (>= 4.1) - restriction: || (&& (== net461) (< net45)) (== netcoreapp2.1) (== netstandard2.0)
      System.Runtime.Extensions (>= 4.1) - restriction: || (&& (== net461) (< net45)) (== netcoreapp2.1) (== netstandard2.0)
    System.Security.Cryptography.Algorithms (4.2) - restriction: || (&& (== net461) (< net45) (>= netstandard1.6)) (== netcoreapp2.1) (== netstandard2.0)
      Microsoft.NETCore.Platforms (>= 1.0.1) - restriction: || (&& (== net461) (< net46) (>= netstandard1.6)) (== netcoreapp2.1) (== netstandard2.0)
      runtime.native.System.Security.Cryptography (>= 4.0) - restriction: || (&& (== net461) (< net46) (>= netstandard1.6)) (== netcoreapp2.1) (== netstandard2.0)
      System.Collections (>= 4.0.11) - restriction: || (&& (== net461) (< net46) (>= netstandard1.6)) (== netcoreapp2.1) (== netstandard2.0)
      System.IO (>= 4.1) - restriction: || (&& (== net461) (< net46)) (&& (== net461) (>= net463)) (== netcoreapp2.1) (== netstandard2.0)
      System.Resources.ResourceManager (>= 4.0.1) - restriction: || (&& (== net461) (< net46) (>= netstandard1.6)) (== netcoreapp2.1) (== netstandard2.0)
      System.Runtime (>= 4.1) - restriction: || (&& (== net461) (< net46)) (&& (== net461) (>= net463)) (== netcoreapp2.1) (== netstandard2.0)
      System.Runtime.Extensions (>= 4.1) - restriction: || (&& (== net461) (< net46) (>= netstandard1.6)) (== netcoreapp2.1) (== netstandard2.0)
      System.Runtime.Handles (>= 4.0.1) - restriction: || (&& (== net461) (< net46) (>= netstandard1.6)) (== netcoreapp2.1) (== netstandard2.0)
      System.Runtime.InteropServices (>= 4.1) - restriction: || (&& (== net461) (< net46) (>= netstandard1.6)) (== netcoreapp2.1) (== netstandard2.0)
      System.Runtime.Numerics (>= 4.0.1) - restriction: || (&& (== net461) (< net46) (>= netstandard1.6)) (== netcoreapp2.1) (== netstandard2.0)
      System.Security.Cryptography.Encoding (>= 4.0) - restriction: || (&& (== net461) (< net46) (>= netstandard1.6)) (&& (== net461) (>= net463)) (== netcoreapp2.1) (== netstandard2.0)
      System.Security.Cryptography.Primitives (>= 4.0)
      System.Text.Encoding (>= 4.0.11) - restriction: || (&& (== net461) (< net46) (>= netstandard1.6)) (== netcoreapp2.1) (== netstandard2.0)
    System.Security.Cryptography.Cng (4.2) - restriction: || (&& (== net461) (< net45) (>= netstandard1.6)) (== netcoreapp2.1) (== netstandard2.0)
      Microsoft.NETCore.Platforms (>= 1.0.1) - restriction: || (&& (== net461) (< net46)) (== netcoreapp2.1) (== netstandard2.0)
      System.IO (>= 4.1) - restriction: || (&& (== net461) (< net46)) (== netcoreapp2.1) (== netstandard2.0)
      System.Resources.ResourceManager (>= 4.0.1) - restriction: || (&& (== net461) (< net46)) (== netcoreapp2.1) (== netstandard2.0)
      System.Runtime (>= 4.1) - restriction: || (&& (== net461) (< net46)) (== netcoreapp2.1) (== netstandard2.0)
      System.Runtime.Extensions (>= 4.1) - restriction: || (&& (== net461) (< net46)) (== netcoreapp2.1) (== netstandard2.0)
      System.Runtime.Handles (>= 4.0.1) - restriction: || (&& (== net461) (< net46)) (== netcoreapp2.1) (== netstandard2.0)
      System.Runtime.InteropServices (>= 4.1) - restriction: || (&& (== net461) (< net46)) (== netcoreapp2.1) (== netstandard2.0)
      System.Security.Cryptography.Algorithms (>= 4.2)
      System.Security.Cryptography.Encoding (>= 4.0) - restriction: || (&& (== net461) (< net46)) (== netcoreapp2.1) (== netstandard2.0)
      System.Security.Cryptography.Primitives (>= 4.0)
      System.Text.Encoding (>= 4.0.11) - restriction: || (&& (== net461) (< net46)) (== netcoreapp2.1) (== netstandard2.0)
    System.Security.Cryptography.Csp (4.0) - restriction: || (&& (== net461) (< net45) (>= netstandard1.6)) (== netcoreapp2.1) (== netstandard2.0)
      Microsoft.NETCore.Platforms (>= 1.0.1) - restriction: || (&& (== net461) (< net46)) (== netcoreapp2.1) (== netstandard2.0)
      System.IO (>= 4.1) - restriction: || (&& (== net461) (< net46)) (== netcoreapp2.1) (== netstandard2.0)
      System.Reflection (>= 4.1) - restriction: || (&& (== net461) (< net46)) (== netcoreapp2.1) (== netstandard2.0)
      System.Resources.ResourceManager (>= 4.0.1) - restriction: || (&& (== net461) (< net46)) (== netcoreapp2.1) (== netstandard2.0)
      System.Runtime (>= 4.1) - restriction: || (&& (== net461) (< net46)) (== netcoreapp2.1) (== netstandard2.0)
      System.Runtime.Extensions (>= 4.1) - restriction: || (&& (== net461) (< net46)) (== netcoreapp2.1) (== netstandard2.0)
      System.Runtime.Handles (>= 4.0.1) - restriction: || (&& (== net461) (< net46)) (== netcoreapp2.1) (== netstandard2.0)
      System.Runtime.InteropServices (>= 4.1) - restriction: || (&& (== net461) (< net46)) (== netcoreapp2.1) (== netstandard2.0)
      System.Security.Cryptography.Algorithms (>= 4.2)
      System.Security.Cryptography.Encoding (>= 4.0) - restriction: || (&& (== net461) (< net46)) (== netcoreapp2.1) (== netstandard2.0)
      System.Security.Cryptography.Primitives (>= 4.0)
      System.Text.Encoding (>= 4.0.11) - restriction: || (&& (== net461) (< net46)) (== netcoreapp2.1) (== netstandard2.0)
      System.Threading (>= 4.0.11) - restriction: || (&& (== net461) (< net46)) (== netcoreapp2.1) (== netstandard2.0)
    System.Security.Cryptography.Encoding (4.0) - restriction: || (&& (== net461) (< net45) (>= netstandard1.6)) (== netcoreapp2.1) (== netstandard2.0)
      Microsoft.NETCore.Platforms (>= 1.0.1) - restriction: || (&& (== net461) (< net46)) (== netcoreapp2.1) (== netstandard2.0)
      runtime.native.System.Security.Cryptography (>= 4.0) - restriction: || (&& (== net461) (< net46)) (== netcoreapp2.1) (== netstandard2.0)
      System.Collections (>= 4.0.11) - restriction: || (&& (== net461) (< net46)) (== netcoreapp2.1) (== netstandard2.0)
      System.Collections.Concurrent (>= 4.0.12) - restriction: || (&& (== net461) (< net46)) (== netcoreapp2.1) (== netstandard2.0)
      System.Linq (>= 4.1) - restriction: || (&& (== net461) (< net46)) (== netcoreapp2.1) (== netstandard2.0)
      System.Resources.ResourceManager (>= 4.0.1) - restriction: || (&& (== net461) (< net46)) (== netcoreapp2.1) (== netstandard2.0)
      System.Runtime (>= 4.1) - restriction: || (&& (== net461) (< net46)) (== netcoreapp2.1) (== netstandard2.0)
      System.Runtime.Extensions (>= 4.1) - restriction: || (&& (== net461) (< net46)) (== netcoreapp2.1) (== netstandard2.0)
      System.Runtime.Handles (>= 4.0.1) - restriction: || (&& (== net461) (< net46)) (== netcoreapp2.1) (== netstandard2.0)
      System.Runtime.InteropServices (>= 4.1) - restriction: || (&& (== net461) (< net46)) (== netcoreapp2.1) (== netstandard2.0)
      System.Security.Cryptography.Primitives (>= 4.0) - restriction: || (&& (== net461) (< net46)) (== netcoreapp2.1) (== netstandard2.0)
      System.Text.Encoding (>= 4.0.11) - restriction: || (&& (== net461) (< net46)) (== netcoreapp2.1) (== netstandard2.0)
    System.Security.Cryptography.OpenSsl (4.0) - restriction: || (&& (== net461) (< net45) (>= netstandard1.6)) (== netcoreapp2.1) (== netstandard2.0)
      runtime.native.System.Security.Cryptography (>= 4.0) - restriction: || (&& (== net461) (>= monoandroid)) (&& (== net461) (>= net463)) (&& (== net461) (>= netstandard1.6)) (== netcoreapp2.1) (== netstandard2.0)
      System.Collections (>= 4.0.11) - restriction: || (&& (== net461) (>= netstandard1.6)) (== netcoreapp2.1) (== netstandard2.0)
      System.IO (>= 4.1) - restriction: || (&& (== net461) (>= netstandard1.6)) (== netcoreapp2.1) (== netstandard2.0)
      System.Resources.ResourceManager (>= 4.0.1) - restriction: || (&& (== net461) (>= netstandard1.6)) (== netcoreapp2.1) (== netstandard2.0)
      System.Runtime (>= 4.1) - restriction: || (&& (== net461) (>= netstandard1.6)) (== netcoreapp2.1) (== netstandard2.0)
      System.Runtime.Extensions (>= 4.1) - restriction: || (&& (== net461) (>= net463)) (&& (== net461) (>= netstandard1.6)) (== netcoreapp2.1) (== netstandard2.0)
      System.Runtime.Handles (>= 4.0.1) - restriction: || (&& (== net461) (>= netstandard1.6)) (== netcoreapp2.1) (== netstandard2.0)
      System.Runtime.InteropServices (>= 4.1) - restriction: || (&& (== net461) (>= netstandard1.6)) (== netcoreapp2.1) (== netstandard2.0)
      System.Runtime.Numerics (>= 4.0.1) - restriction: || (&& (== net461) (>= netstandard1.6)) (== netcoreapp2.1) (== netstandard2.0)
      System.Security.Cryptography.Algorithms (>= 4.2) - restriction: || (&& (== net461) (>= net463)) (&& (== net461) (>= netstandard1.6)) (== netcoreapp2.1) (== netstandard2.0)
      System.Security.Cryptography.Encoding (>= 4.0) - restriction: || (&& (== net461) (>= net463)) (&& (== net461) (>= netstandard1.6)) (== netcoreapp2.1) (== netstandard2.0)
      System.Security.Cryptography.Primitives (>= 4.0) - restriction: || (&& (== net461) (>= net463)) (&& (== net461) (>= netstandard1.6)) (== netcoreapp2.1) (== netstandard2.0)
      System.Text.Encoding (>= 4.0.11) - restriction: || (&& (== net461) (>= netstandard1.6)) (== netcoreapp2.1) (== netstandard2.0)
    System.Security.Cryptography.Primitives (4.0) - restriction: || (&& (== net461) (< net45) (>= netstandard1.6)) (== netcoreapp2.1) (== netstandard2.0)
      System.Diagnostics.Debug (>= 4.0.11) - restriction: || (&& (== net461) (< net46)) (== netcoreapp2.1) (== netstandard2.0)
      System.Globalization (>= 4.0.11) - restriction: || (&& (== net461) (< net46)) (== netcoreapp2.1) (== netstandard2.0)
      System.IO (>= 4.1) - restriction: || (&& (== net461) (< net46)) (== netcoreapp2.1) (== netstandard2.0)
      System.Resources.ResourceManager (>= 4.0.1) - restriction: || (&& (== net461) (< net46)) (== netcoreapp2.1) (== netstandard2.0)
      System.Runtime (>= 4.1) - restriction: || (&& (== net461) (< net46)) (== netcoreapp2.1) (== netstandard2.0)
      System.Threading (>= 4.0.11) - restriction: || (&& (== net461) (< net46)) (== netcoreapp2.1) (== netstandard2.0)
      System.Threading.Tasks (>= 4.0.11) - restriction: || (&& (== net461) (< net46)) (== netcoreapp2.1) (== netstandard2.0)
    System.Security.Cryptography.X509Certificates (4.1) - restriction: || (&& (== net461) (< net45) (>= netstandard1.6)) (== netcoreapp2.1) (== netstandard2.0)
      Microsoft.NETCore.Platforms (>= 1.0.1) - restriction: || (&& (== net461) (< net46) (>= netstandard1.6)) (== netcoreapp2.1) (== netstandard2.0)
      runtime.native.System (>= 4.0) - restriction: || (&& (== net461) (< net46) (>= netstandard1.6)) (== netcoreapp2.1) (== netstandard2.0)
      runtime.native.System.Net.Http (>= 4.0.1) - restriction: || (&& (== net461) (< net46) (>= netstandard1.6)) (== netcoreapp2.1) (== netstandard2.0)
      runtime.native.System.Security.Cryptography (>= 4.0) - restriction: || (&& (== net461) (< net46) (>= netstandard1.6)) (== netcoreapp2.1) (== netstandard2.0)
      System.Collections (>= 4.0.11) - restriction: || (&& (== net461) (< net46) (>= netstandard1.6)) (== netcoreapp2.1) (== netstandard2.0)
      System.Diagnostics.Debug (>= 4.0.11) - restriction: || (&& (== net461) (< net46) (>= netstandard1.6)) (== netcoreapp2.1) (== netstandard2.0)
      System.Globalization (>= 4.0.11) - restriction: || (&& (== net461) (< net46) (>= netstandard1.6)) (== netcoreapp2.1) (== netstandard2.0)
      System.Globalization.Calendars (>= 4.0.1) - restriction: || (&& (== net461) (< net46) (>= netstandard1.6)) (== netcoreapp2.1) (== netstandard2.0)
      System.IO (>= 4.1) - restriction: || (&& (== net461) (< net46) (>= netstandard1.6)) (== netcoreapp2.1) (== netstandard2.0)
      System.IO.FileSystem (>= 4.0.1) - restriction: || (&& (== net461) (< net46) (>= netstandard1.6)) (== netcoreapp2.1) (== netstandard2.0)
      System.IO.FileSystem.Primitives (>= 4.0.1) - restriction: || (&& (== net461) (< net46) (>= netstandard1.6)) (== netcoreapp2.1) (== netstandard2.0)
      System.Resources.ResourceManager (>= 4.0.1) - restriction: || (&& (== net461) (< net46) (>= netstandard1.6)) (== netcoreapp2.1) (== netstandard2.0)
      System.Runtime (>= 4.1) - restriction: || (&& (== net461) (< net46)) (== netcoreapp2.1) (== netstandard2.0)
      System.Runtime.Extensions (>= 4.1) - restriction: || (&& (== net461) (< net46) (>= netstandard1.6)) (== netcoreapp2.1) (== netstandard2.0)
      System.Runtime.Handles (>= 4.0.1) - restriction: || (&& (== net461) (< net46)) (== netcoreapp2.1) (== netstandard2.0)
      System.Runtime.InteropServices (>= 4.1) - restriction: || (&& (== net461) (< net46) (>= netstandard1.6)) (== netcoreapp2.1) (== netstandard2.0)
      System.Runtime.Numerics (>= 4.0.1) - restriction: || (&& (== net461) (< net46) (>= netstandard1.6)) (== netcoreapp2.1) (== netstandard2.0)
      System.Security.Cryptography.Algorithms (>= 4.2)
      System.Security.Cryptography.Cng (>= 4.2) - restriction: || (&& (== net461) (< net46) (>= netstandard1.6)) (== netcoreapp2.1) (== netstandard2.0)
      System.Security.Cryptography.Csp (>= 4.0) - restriction: || (&& (== net461) (< net46) (>= netstandard1.6)) (== netcoreapp2.1) (== netstandard2.0)
      System.Security.Cryptography.Encoding (>= 4.0)
      System.Security.Cryptography.OpenSsl (>= 4.0) - restriction: || (&& (== net461) (< net46) (>= netstandard1.6)) (== netcoreapp2.1) (== netstandard2.0)
      System.Security.Cryptography.Primitives (>= 4.0) - restriction: || (&& (== net461) (< net46) (>= netstandard1.6)) (== netcoreapp2.1) (== netstandard2.0)
      System.Text.Encoding (>= 4.0.11) - restriction: || (&& (== net461) (< net46) (>= netstandard1.6)) (== netcoreapp2.1) (== netstandard2.0)
      System.Threading (>= 4.0.11) - restriction: || (&& (== net461) (< net46) (>= netstandard1.6)) (== netcoreapp2.1) (== netstandard2.0)
    System.Text.Encoding (4.0.11) - restriction: || (&& (== net461) (< net45) (>= netstandard1.6)) (== netcoreapp2.1) (== netstandard2.0)
      Microsoft.NETCore.Platforms (>= 1.0.1) - restriction: || (&& (== net461) (< net45)) (== netcoreapp2.1) (== netstandard2.0)
      Microsoft.NETCore.Targets (>= 1.0.1) - restriction: || (&& (== net461) (< net45)) (== netcoreapp2.1) (== netstandard2.0)
      System.Runtime (>= 4.1) - restriction: || (&& (== net461) (< net45)) (== netcoreapp2.1) (== netstandard2.0)
    System.Text.Encodings.Web (4.4) - restriction: || (&& (== net461) (>= netstandard2.0)) (== netcoreapp2.1) (== netstandard2.0)
    System.Text.RegularExpressions (4.1) - restriction: || (&& (== net461) (< net45) (>= netstandard1.6)) (== netcoreapp2.1) (== netstandard2.0)
      System.Collections (>= 4.0.11) - restriction: || (&& (== net461) (< net45) (>= netstandard1.6)) (== netcoreapp2.1) (== netstandard2.0)
      System.Globalization (>= 4.0.11) - restriction: || (&& (== net461) (< net45) (>= netstandard1.6)) (== netcoreapp2.1) (== netstandard2.0)
      System.Resources.ResourceManager (>= 4.0.1) - restriction: || (&& (== net461) (< net45) (>= netstandard1.6)) (== netcoreapp2.1) (== netstandard2.0)
      System.Runtime (>= 4.1) - restriction: || (&& (== net461) (< net45)) (== netcoreapp2.1) (== netstandard2.0)
      System.Runtime.Extensions (>= 4.1) - restriction: || (&& (== net461) (< net45) (>= netstandard1.6)) (== netcoreapp2.1) (== netstandard2.0)
      System.Threading (>= 4.0.11) - restriction: || (&& (== net461) (< net45) (>= netstandard1.6)) (== netcoreapp2.1) (== netstandard2.0)
    System.Threading (4.0.11) - restriction: || (&& (== net461) (< net45) (>= netstandard1.6)) (== netcoreapp2.1) (== netstandard2.0)
      System.Runtime (>= 4.1) - restriction: || (&& (== net461) (< net45)) (== netcoreapp2.1) (== netstandard2.0)
      System.Threading.Tasks (>= 4.0.11) - restriction: || (&& (== net461) (< net45)) (== netcoreapp2.1) (== netstandard2.0)
    System.Threading.Tasks (4.0.11) - restriction: || (&& (== net461) (< net45) (>= netstandard1.6)) (== netcoreapp2.1) (== netstandard2.0)
      Microsoft.NETCore.Platforms (>= 1.0.1) - restriction: || (&& (== net461) (< net45)) (== netcoreapp2.1) (== netstandard2.0)
      Microsoft.NETCore.Targets (>= 1.0.1) - restriction: || (&& (== net461) (< net45)) (== netcoreapp2.1) (== netstandard2.0)
      System.Runtime (>= 4.1) - restriction: || (&& (== net461) (< net45)) (== netcoreapp2.1) (== netstandard2.0)
    System.Threading.Tasks.Parallel (4.0.1) - restriction: || (&& (== net461) (< net45) (>= netstandard1.6)) (== netcoreapp2.1) (== netstandard2.0)
      System.Collections.Concurrent (>= 4.0.12) - restriction: || (&& (== net461) (< net45)) (== netcoreapp2.1) (== netstandard2.0)
      System.Diagnostics.Debug (>= 4.0.11) - restriction: || (&& (== net461) (< net45)) (== netcoreapp2.1) (== netstandard2.0)
      System.Diagnostics.Tracing (>= 4.1) - restriction: || (&& (== net461) (< net45)) (== netcoreapp2.1) (== netstandard2.0)
      System.Resources.ResourceManager (>= 4.0.1) - restriction: || (&& (== net461) (< net45)) (== netcoreapp2.1) (== netstandard2.0)
      System.Runtime (>= 4.1) - restriction: || (&& (== net461) (< net45)) (== netcoreapp2.1) (== netstandard2.0)
      System.Runtime.Extensions (>= 4.1) - restriction: || (&& (== net461) (< net45)) (== netcoreapp2.1) (== netstandard2.0)
      System.Threading (>= 4.0.11) - restriction: || (&& (== net461) (< net45)) (== netcoreapp2.1) (== netstandard2.0)
      System.Threading.Tasks (>= 4.0.11) - restriction: || (&& (== net461) (< net45)) (== netcoreapp2.1) (== netstandard2.0)
    System.Threading.Thread (4.0) - restriction: || (&& (== net461) (< net45) (>= netstandard1.6)) (== netcoreapp2.1) (== netstandard2.0)
      System.Runtime (>= 4.1) - restriction: || (&& (== net461) (< net46)) (== netcoreapp2.1) (== netstandard2.0)
    System.Threading.ThreadPool (4.0.10) - restriction: || (&& (== net461) (< net45) (>= netstandard1.6)) (== netcoreapp2.1) (== netstandard2.0)
      System.Runtime (>= 4.1) - restriction: || (&& (== net461) (< net46)) (== netcoreapp2.1) (== netstandard2.0)
      System.Runtime.Handles (>= 4.0.1) - restriction: || (&& (== net461) (< net46)) (== netcoreapp2.1) (== netstandard2.0)
    System.Threading.Timer (4.0.1) - restriction: || (&& (== net461) (< net45) (>= netstandard1.6)) (== netcoreapp2.1) (== netstandard2.0)
      Microsoft.NETCore.Platforms (>= 1.0.1) - restriction: || (&& (== net461) (< net451)) (== netcoreapp2.1) (== netstandard2.0)
      Microsoft.NETCore.Targets (>= 1.0.1) - restriction: || (&& (== net461) (< net451)) (== netcoreapp2.1) (== netstandard2.0)
      System.Runtime (>= 4.1) - restriction: || (&& (== net461) (< net451)) (== netcoreapp2.1) (== netstandard2.0)
    WebSharper (4.7.0.423)
      FSharp.Core (>= 4.2.3)
    WebSharper.FSharp (4.7.0.423)
      WebSharper (4.7.0.423)

GROUP test
STORAGE: NONE
RESTRICTION: || (== net461) (== netcoreapp2.1) (== netstandard2.0)
NUGET
  remote: https://api.nuget.org/v3/index.json
    FSharp.Core (4.3.4)
    HtmlAgilityPack (1.11.29)
    Microsoft.AspNetCore (2.1)
      Microsoft.AspNetCore.Diagnostics (>= 2.1) - restriction: || (&& (== net461) (>= netstandard2.0)) (== netcoreapp2.1) (== netstandard2.0)
      Microsoft.AspNetCore.HostFiltering (>= 2.1) - restriction: || (&& (== net461) (>= netstandard2.0)) (== netcoreapp2.1) (== netstandard2.0)
      Microsoft.AspNetCore.Hosting (>= 2.1) - restriction: || (&& (== net461) (>= netstandard2.0)) (== netcoreapp2.1) (== netstandard2.0)
      Microsoft.AspNetCore.Routing (>= 2.1) - restriction: || (&& (== net461) (>= netstandard2.0)) (== netcoreapp2.1) (== netstandard2.0)
      Microsoft.AspNetCore.Server.IISIntegration (>= 2.1) - restriction: || (&& (== net461) (>= netstandard2.0)) (== netcoreapp2.1) (== netstandard2.0)
      Microsoft.AspNetCore.Server.Kestrel (>= 2.1) - restriction: || (&& (== net461) (>= netstandard2.0)) (== netcoreapp2.1) (== netstandard2.0)
      Microsoft.AspNetCore.Server.Kestrel.Https (>= 2.1) - restriction: || (&& (== net461) (>= netstandard2.0)) (== netcoreapp2.1) (== netstandard2.0)
      Microsoft.Extensions.Configuration.CommandLine (>= 2.1) - restriction: || (&& (== net461) (>= netstandard2.0)) (== netcoreapp2.1) (== netstandard2.0)
      Microsoft.Extensions.Configuration.EnvironmentVariables (>= 2.1) - restriction: || (&& (== net461) (>= netstandard2.0)) (== netcoreapp2.1) (== netstandard2.0)
      Microsoft.Extensions.Configuration.FileExtensions (>= 2.1) - restriction: || (&& (== net461) (>= netstandard2.0)) (== netcoreapp2.1) (== netstandard2.0)
      Microsoft.Extensions.Configuration.Json (>= 2.1) - restriction: || (&& (== net461) (>= netstandard2.0)) (== netcoreapp2.1) (== netstandard2.0)
      Microsoft.Extensions.Configuration.UserSecrets (>= 2.1) - restriction: || (&& (== net461) (>= netstandard2.0)) (== netcoreapp2.1) (== netstandard2.0)
      Microsoft.Extensions.Logging (>= 2.1) - restriction: || (&& (== net461) (>= netstandard2.0)) (== netcoreapp2.1) (== netstandard2.0)
      Microsoft.Extensions.Logging.Configuration (>= 2.1) - restriction: || (&& (== net461) (>= netstandard2.0)) (== netcoreapp2.1) (== netstandard2.0)
      Microsoft.Extensions.Logging.Console (>= 2.1) - restriction: || (&& (== net461) (>= netstandard2.0)) (== netcoreapp2.1) (== netstandard2.0)
      Microsoft.Extensions.Logging.Debug (>= 2.1) - restriction: || (&& (== net461) (>= netstandard2.0)) (== netcoreapp2.1) (== netstandard2.0)
    Microsoft.AspNetCore.Authentication (2.2) - restriction: || (&& (== net461) (>= netstandard2.0)) (== netcoreapp2.1) (== netstandard2.0)
      Microsoft.AspNetCore.Authentication.Core (>= 2.2) - restriction: || (&& (== net461) (>= netstandard2.0)) (== netcoreapp2.1) (== netstandard2.0)
      Microsoft.AspNetCore.DataProtection (>= 2.2) - restriction: || (&& (== net461) (>= netstandard2.0)) (== netcoreapp2.1) (== netstandard2.0)
      Microsoft.AspNetCore.Http (>= 2.2) - restriction: || (&& (== net461) (>= netstandard2.0)) (== netcoreapp2.1) (== netstandard2.0)
      Microsoft.AspNetCore.Http.Extensions (>= 2.2) - restriction: || (&& (== net461) (>= netstandard2.0)) (== netcoreapp2.1) (== netstandard2.0)
      Microsoft.Extensions.Logging.Abstractions (>= 2.2) - restriction: || (&& (== net461) (>= netstandard2.0)) (== netcoreapp2.1) (== netstandard2.0)
      Microsoft.Extensions.Options (>= 2.2) - restriction: || (&& (== net461) (>= netstandard2.0)) (== netcoreapp2.1) (== netstandard2.0)
      Microsoft.Extensions.WebEncoders (>= 2.2) - restriction: || (&& (== net461) (>= netstandard2.0)) (== netcoreapp2.1) (== netstandard2.0)
    Microsoft.AspNetCore.Authentication.Abstractions (2.2)
      Microsoft.AspNetCore.Http.Abstractions (>= 2.2) - restriction: || (&& (== net461) (>= netstandard2.0)) (== netcoreapp2.1) (== netstandard2.0)
      Microsoft.Extensions.Logging.Abstractions (>= 2.2) - restriction: || (&& (== net461) (>= netstandard2.0)) (== netcoreapp2.1) (== netstandard2.0)
      Microsoft.Extensions.Options (>= 2.2) - restriction: || (&& (== net461) (>= netstandard2.0)) (== netcoreapp2.1) (== netstandard2.0)
    Microsoft.AspNetCore.Authentication.Cookies (2.1)
      Microsoft.AspNetCore.Authentication (>= 2.1) - restriction: || (&& (== net461) (>= netstandard2.0)) (== netcoreapp2.1) (== netstandard2.0)
    Microsoft.AspNetCore.Authentication.Core (2.2) - restriction: || (&& (== net461) (>= netstandard2.0)) (== netcoreapp2.1) (== netstandard2.0)
      Microsoft.AspNetCore.Authentication.Abstractions (>= 2.2) - restriction: || (&& (== net461) (>= netstandard2.0)) (== netcoreapp2.1) (== netstandard2.0)
      Microsoft.AspNetCore.Http (>= 2.2) - restriction: || (&& (== net461) (>= netstandard2.0)) (== netcoreapp2.1) (== netstandard2.0)
      Microsoft.AspNetCore.Http.Extensions (>= 2.2) - restriction: || (&& (== net461) (>= netstandard2.0)) (== netcoreapp2.1) (== netstandard2.0)
    Microsoft.AspNetCore.Connections.Abstractions (5.0.1) - restriction: || (&& (== net461) (>= netstandard2.0)) (== netcoreapp2.1) (== netstandard2.0)
      Microsoft.AspNetCore.Http.Features (>= 5.0.1)
      Microsoft.Bcl.AsyncInterfaces (>= 1.0)
    Microsoft.AspNetCore.Cryptography.Internal (5.0.1) - restriction: || (&& (== net461) (>= netstandard2.0)) (== netcoreapp2.1) (== netstandard2.0)
    Microsoft.AspNetCore.DataProtection (5.0.1) - restriction: || (&& (== net461) (>= netstandard2.0)) (== netcoreapp2.1) (== netstandard2.0)
      Microsoft.AspNetCore.Cryptography.Internal (>= 5.0.1)
      Microsoft.AspNetCore.DataProtection.Abstractions (>= 5.0.1)
      Microsoft.Extensions.DependencyInjection.Abstractions (>= 5.0)
      Microsoft.Extensions.Hosting.Abstractions (>= 5.0)
      Microsoft.Extensions.Logging.Abstractions (>= 5.0)
      Microsoft.Extensions.Options (>= 5.0)
      Microsoft.Win32.Registry (>= 5.0)
      System.Security.Cryptography.Xml (>= 5.0)
      System.Security.Principal.Windows (>= 5.0) - restriction: || (== netcoreapp2.1) (== netstandard2.0)
    Microsoft.AspNetCore.DataProtection.Abstractions (5.0.1) - restriction: || (&& (== net461) (>= netstandard2.0)) (== netcoreapp2.1) (== netstandard2.0)
    Microsoft.AspNetCore.Diagnostics (2.2) - restriction: || (&& (== net461) (>= netstandard2.0)) (== netcoreapp2.1) (== netstandard2.0)
      Microsoft.AspNetCore.Diagnostics.Abstractions (>= 2.2) - restriction: || (&& (== net461) (>= netstandard2.0)) (== netcoreapp2.1) (== netstandard2.0)
      Microsoft.AspNetCore.Hosting.Abstractions (>= 2.2) - restriction: || (&& (== net461) (>= netstandard2.0)) (== netcoreapp2.1) (== netstandard2.0)
      Microsoft.AspNetCore.Http.Extensions (>= 2.2) - restriction: || (&& (== net461) (>= netstandard2.0)) (== netcoreapp2.1) (== netstandard2.0)
      Microsoft.AspNetCore.WebUtilities (>= 2.2) - restriction: || (&& (== net461) (>= netstandard2.0)) (== netcoreapp2.1) (== netstandard2.0)
      Microsoft.Extensions.FileProviders.Physical (>= 2.2) - restriction: || (&& (== net461) (>= netstandard2.0)) (== netcoreapp2.1) (== netstandard2.0)
      Microsoft.Extensions.Logging.Abstractions (>= 2.2) - restriction: || (&& (== net461) (>= netstandard2.0)) (== netcoreapp2.1) (== netstandard2.0)
      Microsoft.Extensions.Options (>= 2.2) - restriction: || (&& (== net461) (>= netstandard2.0)) (== netcoreapp2.1) (== netstandard2.0)
      System.Diagnostics.DiagnosticSource (>= 4.5) - restriction: || (&& (== net461) (>= netstandard2.0)) (== netcoreapp2.1) (== netstandard2.0)
      System.Reflection.Metadata (>= 1.6) - restriction: || (&& (== net461) (>= netstandard2.0)) (== netcoreapp2.1) (== netstandard2.0)
    Microsoft.AspNetCore.Diagnostics.Abstractions (2.2) - restriction: || (&& (== net461) (>= netstandard2.0)) (== netcoreapp2.1) (== netstandard2.0)
    Microsoft.AspNetCore.HostFiltering (2.2) - restriction: || (&& (== net461) (>= netstandard2.0)) (== netcoreapp2.1) (== netstandard2.0)
      Microsoft.AspNetCore.Hosting.Abstractions (>= 2.2) - restriction: || (&& (== net461) (>= netstandard2.0)) (== netcoreapp2.1) (== netstandard2.0)
      Microsoft.AspNetCore.Http (>= 2.2) - restriction: || (&& (== net461) (>= netstandard2.0)) (== netcoreapp2.1) (== netstandard2.0)
      Microsoft.AspNetCore.Http.Extensions (>= 2.2) - restriction: || (&& (== net461) (>= netstandard2.0)) (== netcoreapp2.1) (== netstandard2.0)
      Microsoft.Extensions.Options (>= 2.2) - restriction: || (&& (== net461) (>= netstandard2.0)) (== netcoreapp2.1) (== netstandard2.0)
    Microsoft.AspNetCore.Hosting (2.2.7) - restriction: || (&& (== net461) (>= netstandard2.0)) (== netcoreapp2.1) (== netstandard2.0)
      Microsoft.AspNetCore.Hosting.Abstractions (>= 2.2) - restriction: || (&& (== net461) (>= netstandard2.0)) (== netcoreapp2.1) (== netstandard2.0)
      Microsoft.AspNetCore.Http (>= 2.2) - restriction: || (&& (== net461) (>= netstandard2.0)) (== netcoreapp2.1) (== netstandard2.0)
      Microsoft.AspNetCore.Http.Extensions (>= 2.2) - restriction: || (&& (== net461) (>= netstandard2.0)) (== netcoreapp2.1) (== netstandard2.0)
      Microsoft.Extensions.Configuration (>= 2.2) - restriction: || (&& (== net461) (>= netstandard2.0)) (== netcoreapp2.1) (== netstandard2.0)
      Microsoft.Extensions.Configuration.EnvironmentVariables (>= 2.2.4) - restriction: || (&& (== net461) (>= netstandard2.0)) (== netcoreapp2.1) (== netstandard2.0)
      Microsoft.Extensions.Configuration.FileExtensions (>= 2.2) - restriction: || (&& (== net461) (>= netstandard2.0)) (== netcoreapp2.1) (== netstandard2.0)
      Microsoft.Extensions.DependencyInjection (>= 2.2) - restriction: || (&& (== net461) (>= netstandard2.0)) (== netcoreapp2.1) (== netstandard2.0)
      Microsoft.Extensions.FileProviders.Physical (>= 2.2) - restriction: || (&& (== net461) (>= netstandard2.0)) (== netcoreapp2.1) (== netstandard2.0)
      Microsoft.Extensions.Hosting.Abstractions (>= 2.2) - restriction: || (&& (== net461) (>= netstandard2.0)) (== netcoreapp2.1) (== netstandard2.0)
      Microsoft.Extensions.Logging (>= 2.2) - restriction: || (&& (== net461) (>= netstandard2.0)) (== netcoreapp2.1) (== netstandard2.0)
      Microsoft.Extensions.Options (>= 2.2) - restriction: || (&& (== net461) (>= netstandard2.0)) (== netcoreapp2.1) (== netstandard2.0)
      System.Diagnostics.DiagnosticSource (>= 4.5.1) - restriction: || (&& (== net461) (>= netstandard2.0)) (== netcoreapp2.1) (== netstandard2.0)
      System.Reflection.Metadata (>= 1.6) - restriction: || (&& (== net461) (>= netstandard2.0)) (== netcoreapp2.1) (== netstandard2.0)
    Microsoft.AspNetCore.Hosting.Abstractions (2.2)
      Microsoft.AspNetCore.Hosting.Server.Abstractions (>= 2.2) - restriction: || (&& (== net461) (>= netstandard2.0)) (== netcoreapp2.1) (== netstandard2.0)
      Microsoft.AspNetCore.Http.Abstractions (>= 2.2) - restriction: || (&& (== net461) (>= netstandard2.0)) (== netcoreapp2.1) (== netstandard2.0)
      Microsoft.Extensions.Hosting.Abstractions (>= 2.2) - restriction: || (&& (== net461) (>= netstandard2.0)) (== netcoreapp2.1) (== netstandard2.0)
    Microsoft.AspNetCore.Hosting.Server.Abstractions (2.2) - restriction: || (&& (== net461) (>= netstandard2.0)) (== netcoreapp2.1) (== netstandard2.0)
      Microsoft.AspNetCore.Http.Features (>= 2.2) - restriction: || (&& (== net461) (>= netstandard2.0)) (== netcoreapp2.1) (== netstandard2.0)
      Microsoft.Extensions.Configuration.Abstractions (>= 2.2) - restriction: || (&& (== net461) (>= netstandard2.0)) (== netcoreapp2.1) (== netstandard2.0)
    Microsoft.AspNetCore.Http (2.2.2) - restriction: || (&& (== net461) (>= netstandard2.0)) (== netcoreapp2.1) (== netstandard2.0)
      Microsoft.AspNetCore.Http.Abstractions (>= 2.2) - restriction: || (&& (== net461) (>= netstandard2.0)) (== netcoreapp2.1) (== netstandard2.0)
      Microsoft.AspNetCore.WebUtilities (>= 2.2) - restriction: || (&& (== net461) (>= netstandard2.0)) (== netcoreapp2.1) (== netstandard2.0)
      Microsoft.Extensions.ObjectPool (>= 2.2) - restriction: || (&& (== net461) (>= netstandard2.0)) (== netcoreapp2.1) (== netstandard2.0)
      Microsoft.Extensions.Options (>= 2.2) - restriction: || (&& (== net461) (>= netstandard2.0)) (== netcoreapp2.1) (== netstandard2.0)
      Microsoft.Net.Http.Headers (>= 2.2) - restriction: || (&& (== net461) (>= netstandard2.0)) (== netcoreapp2.1) (== netstandard2.0)
    Microsoft.AspNetCore.Http.Abstractions (2.2)
      Microsoft.AspNetCore.Http.Features (>= 2.2) - restriction: || (&& (== net461) (>= netstandard2.0)) (== netcoreapp2.1) (== netstandard2.0)
      System.Text.Encodings.Web (>= 4.5) - restriction: || (&& (== net461) (>= netstandard2.0)) (== netcoreapp2.1) (== netstandard2.0)
    Microsoft.AspNetCore.Http.Extensions (2.2) - restriction: || (&& (== net461) (>= netstandard2.0)) (== netcoreapp2.1) (== netstandard2.0)
      Microsoft.AspNetCore.Http.Abstractions (>= 2.2) - restriction: || (&& (== net461) (>= netstandard2.0)) (== netcoreapp2.1) (== netstandard2.0)
      Microsoft.Extensions.FileProviders.Abstractions (>= 2.2) - restriction: || (&& (== net461) (>= netstandard2.0)) (== netcoreapp2.1) (== netstandard2.0)
      Microsoft.Net.Http.Headers (>= 2.2) - restriction: || (&& (== net461) (>= netstandard2.0)) (== netcoreapp2.1) (== netstandard2.0)
      System.Buffers (>= 4.5) - restriction: || (&& (== net461) (>= netstandard2.0)) (== netcoreapp2.1) (== netstandard2.0)
    Microsoft.AspNetCore.Http.Features (5.0.1) - restriction: || (&& (== net461) (>= netstandard2.0)) (== netcoreapp2.1) (== netstandard2.0)
      Microsoft.Extensions.Primitives (>= 5.0)
      System.IO.Pipelines (>= 5.0.1)
    Microsoft.AspNetCore.HttpOverrides (2.2) - restriction: || (&& (== net461) (>= netstandard2.0)) (== netcoreapp2.1) (== netstandard2.0)
      Microsoft.AspNetCore.Http.Extensions (>= 2.2) - restriction: || (&& (== net461) (>= netstandard2.0)) (== netcoreapp2.1) (== netstandard2.0)
      Microsoft.Extensions.Logging.Abstractions (>= 2.2) - restriction: || (&& (== net461) (>= netstandard2.0)) (== netcoreapp2.1) (== netstandard2.0)
      Microsoft.Extensions.Options (>= 2.2) - restriction: || (&& (== net461) (>= netstandard2.0)) (== netcoreapp2.1) (== netstandard2.0)
    Microsoft.AspNetCore.Routing (2.2.2) - restriction: || (&& (== net461) (>= netstandard2.0)) (== netcoreapp2.1) (== netstandard2.0)
      Microsoft.AspNetCore.Http.Extensions (>= 2.2) - restriction: || (&& (== net461) (>= netstandard2.0)) (== netcoreapp2.1) (== netstandard2.0)
      Microsoft.AspNetCore.Routing.Abstractions (>= 2.2) - restriction: || (&& (== net461) (>= netstandard2.0)) (== netcoreapp2.1) (== netstandard2.0)
      Microsoft.Extensions.Logging.Abstractions (>= 2.2) - restriction: || (&& (== net461) (>= netstandard2.0)) (== netcoreapp2.1) (== netstandard2.0)
      Microsoft.Extensions.ObjectPool (>= 2.2) - restriction: || (&& (== net461) (>= netstandard2.0)) (== netcoreapp2.1) (== netstandard2.0)
      Microsoft.Extensions.Options (>= 2.2) - restriction: || (&& (== net461) (>= netstandard2.0)) (== netcoreapp2.1) (== netstandard2.0)
    Microsoft.AspNetCore.Routing.Abstractions (2.2) - restriction: || (&& (== net461) (>= netstandard2.0)) (== netcoreapp2.1) (== netstandard2.0)
      Microsoft.AspNetCore.Http.Abstractions (>= 2.2) - restriction: || (&& (== net461) (>= netstandard2.0)) (== netcoreapp2.1) (== netstandard2.0)
    Microsoft.AspNetCore.Server.IISIntegration (2.2.1) - restriction: || (&& (== net461) (>= netstandard2.0)) (== netcoreapp2.1) (== netstandard2.0)
      Microsoft.AspNetCore.Authentication.Core (>= 2.2) - restriction: || (&& (== net461) (>= netstandard2.0)) (== netcoreapp2.1) (== netstandard2.0)
      Microsoft.AspNetCore.Hosting.Abstractions (>= 2.2) - restriction: || (&& (== net461) (>= netstandard2.0)) (== netcoreapp2.1) (== netstandard2.0)
      Microsoft.AspNetCore.Http (>= 2.2) - restriction: || (&& (== net461) (>= netstandard2.0)) (== netcoreapp2.1) (== netstandard2.0)
      Microsoft.AspNetCore.Http.Extensions (>= 2.2) - restriction: || (&& (== net461) (>= netstandard2.0)) (== netcoreapp2.1) (== netstandard2.0)
      Microsoft.AspNetCore.HttpOverrides (>= 2.2) - restriction: || (&& (== net461) (>= netstandard2.0)) (== netcoreapp2.1) (== netstandard2.0)
      Microsoft.Extensions.Logging.Abstractions (>= 2.2) - restriction: || (&& (== net461) (>= netstandard2.0)) (== netcoreapp2.1) (== netstandard2.0)
      Microsoft.Extensions.Options (>= 2.2) - restriction: || (&& (== net461) (>= netstandard2.0)) (== netcoreapp2.1) (== netstandard2.0)
      System.Buffers (>= 4.5) - restriction: || (&& (== net461) (>= netstandard2.0)) (== netcoreapp2.1) (== netstandard2.0)
      System.IO.Pipelines (>= 4.5.2) - restriction: || (&& (== net461) (>= netstandard2.0)) (== netcoreapp2.1) (== netstandard2.0)
      System.Memory (>= 4.5.1) - restriction: || (&& (== net461) (>= netstandard2.0)) (== netcoreapp2.1) (== netstandard2.0)
      System.Numerics.Vectors (>= 4.5) - restriction: || (&& (== net461) (>= netstandard2.0)) (== netcoreapp2.1) (== netstandard2.0)
      System.Runtime.CompilerServices.Unsafe (>= 4.5.1) - restriction: || (&& (== net461) (>= netstandard2.0)) (== netcoreapp2.1) (== netstandard2.0)
      System.Security.Principal.Windows (>= 4.5) - restriction: || (&& (== net461) (>= netstandard2.0)) (== netcoreapp2.1) (== netstandard2.0)
    Microsoft.AspNetCore.Server.Kestrel (2.2) - restriction: || (&& (== net461) (>= netstandard2.0)) (== netcoreapp2.1) (== netstandard2.0)
      Microsoft.AspNetCore.Hosting (>= 2.2) - restriction: || (&& (== net461) (>= netstandard2.0)) (== netcoreapp2.1) (== netstandard2.0)
      Microsoft.AspNetCore.Server.Kestrel.Core (>= 2.2) - restriction: || (&& (== net461) (>= netstandard2.0)) (== netcoreapp2.1) (== netstandard2.0)
      Microsoft.AspNetCore.Server.Kestrel.Https (>= 2.2) - restriction: || (&& (== net461) (>= netstandard2.0)) (== netcoreapp2.1) (== netstandard2.0)
      Microsoft.AspNetCore.Server.Kestrel.Transport.Sockets (>= 2.2) - restriction: || (&& (== net461) (>= netstandard2.0)) (== netcoreapp2.1) (== netstandard2.0)
    Microsoft.AspNetCore.Server.Kestrel.Core (2.2) - restriction: || (&& (== net461) (>= netstandard2.0)) (== netcoreapp2.1) (== netstandard2.0)
      Microsoft.AspNetCore.Hosting.Abstractions (>= 2.2) - restriction: || (&& (== net461) (>= netstandard2.0)) (== netcoreapp2.1) (== netstandard2.0)
      Microsoft.AspNetCore.Http (>= 2.2) - restriction: || (&& (== net461) (>= netstandard2.0)) (== netcoreapp2.1) (== netstandard2.0)
      Microsoft.AspNetCore.Server.Kestrel.Transport.Abstractions (>= 2.2) - restriction: || (&& (== net461) (>= netstandard2.0)) (== netcoreapp2.1) (== netstandard2.0)
      Microsoft.AspNetCore.WebUtilities (>= 2.2) - restriction: || (&& (== net461) (>= netstandard2.0)) (== netcoreapp2.1) (== netstandard2.0)
      Microsoft.Extensions.Configuration.Binder (>= 2.2) - restriction: || (&& (== net461) (>= netstandard2.0)) (== netcoreapp2.1) (== netstandard2.0)
      Microsoft.Extensions.Logging.Abstractions (>= 2.2) - restriction: || (&& (== net461) (>= netstandard2.0)) (== netcoreapp2.1) (== netstandard2.0)
      Microsoft.Extensions.Options (>= 2.2) - restriction: || (&& (== net461) (>= netstandard2.0)) (== netcoreapp2.1) (== netstandard2.0)
      Microsoft.Net.Http.Headers (>= 2.2) - restriction: || (&& (== net461) (>= netstandard2.0)) (== netcoreapp2.1) (== netstandard2.0)
      System.Memory (>= 4.5.1) - restriction: || (&& (== net461) (>= netstandard2.0)) (== netcoreapp2.1) (== netstandard2.0)
      System.Numerics.Vectors (>= 4.5) - restriction: || (&& (== net461) (>= netstandard2.0)) (== netcoreapp2.1) (== netstandard2.0)
      System.Runtime.CompilerServices.Unsafe (>= 4.5.1) - restriction: || (&& (== net461) (>= netstandard2.0)) (== netcoreapp2.1) (== netstandard2.0)
      System.Security.Cryptography.Cng (>= 4.5) - restriction: || (&& (== net461) (>= netstandard2.0)) (== netcoreapp2.1) (== netstandard2.0)
      System.Threading.Tasks.Extensions (>= 4.5.1) - restriction: || (&& (== net461) (>= netstandard2.0)) (== netcoreapp2.1) (== netstandard2.0)
    Microsoft.AspNetCore.Server.Kestrel.Https (2.2) - restriction: || (&& (== net461) (>= netstandard2.0)) (== netcoreapp2.1) (== netstandard2.0)
      Microsoft.AspNetCore.Http.Abstractions (>= 2.2) - restriction: || (&& (== net461) (>= netstandard2.0)) (== netcoreapp2.1) (== netstandard2.0)
      Microsoft.AspNetCore.Server.Kestrel.Core (>= 2.2) - restriction: || (&& (== net461) (>= netstandard2.0)) (== netcoreapp2.1) (== netstandard2.0)
    Microsoft.AspNetCore.Server.Kestrel.Transport.Abstractions (2.2) - restriction: || (&& (== net461) (>= netstandard2.0)) (== netcoreapp2.1) (== netstandard2.0)
      Microsoft.AspNetCore.Connections.Abstractions (>= 2.2) - restriction: || (&& (== net461) (>= netstandard2.0)) (== netcoreapp2.1) (== netstandard2.0)
    Microsoft.AspNetCore.Server.Kestrel.Transport.Sockets (2.2.1) - restriction: || (&& (== net461) (>= netstandard2.0)) (== netcoreapp2.1) (== netstandard2.0)
      Microsoft.AspNetCore.Hosting.Abstractions (>= 2.2) - restriction: || (&& (== net461) (>= netstandard2.0)) (== netcoreapp2.1) (== netstandard2.0)
      Microsoft.AspNetCore.Server.Kestrel.Transport.Abstractions (>= 2.2) - restriction: || (&& (== net461) (>= netstandard2.0)) (== netcoreapp2.1) (== netstandard2.0)
      Microsoft.Extensions.Options (>= 2.2) - restriction: || (&& (== net461) (>= netstandard2.0)) (== netcoreapp2.1) (== netstandard2.0)
    Microsoft.AspNetCore.StaticFiles (2.1)
      Microsoft.AspNetCore.Hosting.Abstractions (>= 2.1) - restriction: || (&& (== net461) (>= netstandard2.0)) (== netcoreapp2.1) (== netstandard2.0)
      Microsoft.AspNetCore.Http.Extensions (>= 2.1) - restriction: || (&& (== net461) (>= netstandard2.0)) (== netcoreapp2.1) (== netstandard2.0)
      Microsoft.Extensions.FileProviders.Abstractions (>= 2.1) - restriction: || (&& (== net461) (>= netstandard2.0)) (== netcoreapp2.1) (== netstandard2.0)
      Microsoft.Extensions.Logging.Abstractions (>= 2.1) - restriction: || (&& (== net461) (>= netstandard2.0)) (== netcoreapp2.1) (== netstandard2.0)
      Microsoft.Extensions.WebEncoders (>= 2.1) - restriction: || (&& (== net461) (>= netstandard2.0)) (== netcoreapp2.1) (== netstandard2.0)
    Microsoft.AspNetCore.WebUtilities (2.2) - restriction: || (&& (== net461) (>= netstandard2.0)) (== netcoreapp2.1) (== netstandard2.0)
      Microsoft.Net.Http.Headers (>= 2.2) - restriction: || (&& (== net461) (>= netstandard2.0)) (== netcoreapp2.1) (== netstandard2.0)
      System.Text.Encodings.Web (>= 4.5) - restriction: || (&& (== net461) (>= netstandard2.0)) (== netcoreapp2.1) (== netstandard2.0)
    Microsoft.Bcl.AsyncInterfaces (5.0) - restriction: || (&& (== net461) (>= netcoreapp2.0)) (&& (== net461) (>= netcoreapp2.1)) (&& (== net461) (>= netstandard2.0)) (&& (== net461) (>= netstandard2.1)) (&& (== net461) (>= xamarinios)) (&& (== net461) (>= xamarinmac)) (== netcoreapp2.1) (== netstandard2.0)
      System.Threading.Tasks.Extensions (>= 4.5.4) - restriction: || (== net461) (&& (== netcoreapp2.1) (>= net461)) (== netstandard2.0)
    Microsoft.Extensions.Configuration (5.0) - restriction: || (&& (== net461) (>= netstandard2.0)) (== netcoreapp2.1) (== netstandard2.0)
      Microsoft.Extensions.Configuration.Abstractions (>= 5.0)
      Microsoft.Extensions.Primitives (>= 5.0)
    Microsoft.Extensions.Configuration.Abstractions (5.0)
      Microsoft.Extensions.Primitives (>= 5.0)
      System.ValueTuple (>= 4.5) - restriction: || (== net461) (&& (== netcoreapp2.1) (>= net461)) (&& (== netstandard2.0) (>= net461))
    Microsoft.Extensions.Configuration.Binder (5.0) - restriction: || (&& (== net461) (>= netstandard2.0)) (== netcoreapp2.1) (== netstandard2.0)
      Microsoft.Extensions.Configuration.Abstractions (>= 5.0)
    Microsoft.Extensions.Configuration.CommandLine (5.0) - restriction: || (&& (== net461) (>= netstandard2.0)) (== netcoreapp2.1) (== netstandard2.0)
      Microsoft.Extensions.Configuration (>= 5.0)
      Microsoft.Extensions.Configuration.Abstractions (>= 5.0)
    Microsoft.Extensions.Configuration.EnvironmentVariables (5.0) - restriction: || (&& (== net461) (>= netstandard2.0)) (== netcoreapp2.1) (== netstandard2.0)
      Microsoft.Extensions.Configuration (>= 5.0)
      Microsoft.Extensions.Configuration.Abstractions (>= 5.0)
    Microsoft.Extensions.Configuration.FileExtensions (5.0) - restriction: || (&& (== net461) (>= netstandard2.0)) (== netcoreapp2.1) (== netstandard2.0)
      Microsoft.Extensions.Configuration (>= 5.0)
      Microsoft.Extensions.Configuration.Abstractions (>= 5.0)
      Microsoft.Extensions.FileProviders.Abstractions (>= 5.0)
      Microsoft.Extensions.FileProviders.Physical (>= 5.0)
      Microsoft.Extensions.Primitives (>= 5.0)
    Microsoft.Extensions.Configuration.Json (5.0) - restriction: || (&& (== net461) (>= netstandard2.0)) (== netcoreapp2.1) (== netstandard2.0)
      Microsoft.Extensions.Configuration (>= 5.0)
      Microsoft.Extensions.Configuration.Abstractions (>= 5.0)
      Microsoft.Extensions.Configuration.FileExtensions (>= 5.0)
      Microsoft.Extensions.FileProviders.Abstractions (>= 5.0)
      System.Text.Json (>= 5.0)
    Microsoft.Extensions.Configuration.UserSecrets (5.0) - restriction: || (&& (== net461) (>= netstandard2.0)) (== netcoreapp2.1) (== netstandard2.0)
      Microsoft.Extensions.Configuration.Abstractions (>= 5.0)
      Microsoft.Extensions.Configuration.Json (>= 5.0)
      Microsoft.Extensions.FileProviders.Abstractions (>= 5.0)
      Microsoft.Extensions.FileProviders.Physical (>= 5.0)
    Microsoft.Extensions.DependencyInjection (5.0.1) - restriction: || (&& (== net461) (>= netstandard2.0)) (== netcoreapp2.1) (== netstandard2.0)
      Microsoft.Bcl.AsyncInterfaces (>= 5.0)
      Microsoft.Extensions.DependencyInjection.Abstractions (>= 5.0)
      System.Threading.Tasks.Extensions (>= 4.5.4) - restriction: || (== net461) (&& (== netcoreapp2.1) (>= net461)) (== netstandard2.0)
    Microsoft.Extensions.DependencyInjection.Abstractions (5.0) - restriction: || (&& (== net461) (>= netstandard2.0)) (== netcoreapp2.1) (== netstandard2.0)
    Microsoft.Extensions.FileProviders.Abstractions (5.0) - restriction: || (&& (== net461) (>= netstandard2.0)) (== netcoreapp2.1) (== netstandard2.0)
      Microsoft.Extensions.Primitives (>= 5.0)
    Microsoft.Extensions.FileProviders.Physical (5.0) - restriction: || (&& (== net461) (>= netstandard2.0)) (== netcoreapp2.1) (== netstandard2.0)
      Microsoft.Extensions.FileProviders.Abstractions (>= 5.0)
      Microsoft.Extensions.FileSystemGlobbing (>= 5.0)
      Microsoft.Extensions.Primitives (>= 5.0)
    Microsoft.Extensions.FileSystemGlobbing (5.0) - restriction: || (&& (== net461) (>= netstandard2.0)) (== netcoreapp2.1) (== netstandard2.0)
    Microsoft.Extensions.Hosting.Abstractions (5.0) - restriction: || (&& (== net461) (>= netstandard2.0)) (== netcoreapp2.1) (== netstandard2.0)
      Microsoft.Bcl.AsyncInterfaces (>= 5.0)
      Microsoft.Extensions.Configuration.Abstractions (>= 5.0)
      Microsoft.Extensions.DependencyInjection.Abstractions (>= 5.0)
      Microsoft.Extensions.FileProviders.Abstractions (>= 5.0)
      System.Threading.Tasks.Extensions (>= 4.5.4) - restriction: || (== net461) (&& (== netcoreapp2.1) (>= net461)) (== netstandard2.0)
    Microsoft.Extensions.Logging (5.0) - restriction: || (&& (== net461) (>= netstandard2.0)) (== netcoreapp2.1) (== netstandard2.0)
      Microsoft.Extensions.DependencyInjection (>= 5.0)
      Microsoft.Extensions.DependencyInjection.Abstractions (>= 5.0)
      Microsoft.Extensions.Logging.Abstractions (>= 5.0)
      Microsoft.Extensions.Options (>= 5.0)
      System.Diagnostics.DiagnosticSource (>= 5.0)
    Microsoft.Extensions.Logging.Abstractions (5.0) - restriction: || (&& (== net461) (>= netstandard2.0)) (== netcoreapp2.1) (== netstandard2.0)
    Microsoft.Extensions.Logging.Configuration (5.0) - restriction: || (&& (== net461) (>= net50)) (&& (== net461) (>= netcoreapp2.0)) (&& (== net461) (>= netcoreapp2.1)) (&& (== net461) (>= netcoreapp3.0)) (&& (== net461) (>= netstandard2.0)) (&& (== net461) (>= xamarinios)) (&& (== net461) (>= xamarinmac)) (== netcoreapp2.1) (== netstandard2.0)
      Microsoft.Extensions.Configuration (>= 5.0)
      Microsoft.Extensions.Configuration.Abstractions (>= 5.0)
      Microsoft.Extensions.Configuration.Binder (>= 5.0)
      Microsoft.Extensions.DependencyInjection.Abstractions (>= 5.0)
      Microsoft.Extensions.Logging (>= 5.0)
      Microsoft.Extensions.Logging.Abstractions (>= 5.0)
      Microsoft.Extensions.Options (>= 5.0)
      Microsoft.Extensions.Options.ConfigurationExtensions (>= 5.0)
    Microsoft.Extensions.Logging.Console (5.0) - restriction: || (&& (== net461) (>= netstandard2.0)) (== netcoreapp2.1) (== netstandard2.0)
      Microsoft.Extensions.Configuration.Abstractions (>= 5.0)
      Microsoft.Extensions.DependencyInjection.Abstractions (>= 5.0)
      Microsoft.Extensions.Logging (>= 5.0)
      Microsoft.Extensions.Logging.Abstractions (>= 5.0)
      Microsoft.Extensions.Logging.Configuration (>= 5.0)
      Microsoft.Extensions.Options (>= 5.0)
      Microsoft.Extensions.Options.ConfigurationExtensions (>= 5.0)
      System.Buffers (>= 4.5.1) - restriction: || (== net461) (&& (== netcoreapp2.1) (>= monotouch)) (&& (== netcoreapp2.1) (>= net461)) (&& (== netcoreapp2.1) (< netcoreapp2.0)) (&& (== netcoreapp2.1) (< netstandard2.0) (>= xamarintvos)) (&& (== netcoreapp2.1) (< netstandard2.0) (>= xamarinwatchos)) (== netstandard2.0)
      System.Memory (>= 4.5.4) - restriction: || (== net461) (&& (== netcoreapp2.1) (>= net461)) (&& (== netcoreapp2.1) (< netcoreapp2.0)) (&& (== netcoreapp2.1) (>= uap10.1)) (== netstandard2.0)
      System.Text.Json (>= 5.0)
    Microsoft.Extensions.Logging.Debug (5.0) - restriction: || (&& (== net461) (>= netstandard2.0)) (== netcoreapp2.1) (== netstandard2.0)
      Microsoft.Extensions.DependencyInjection.Abstractions (>= 5.0)
      Microsoft.Extensions.Logging (>= 5.0)
      Microsoft.Extensions.Logging.Abstractions (>= 5.0)
    Microsoft.Extensions.ObjectPool (5.0.1) - restriction: || (&& (== net461) (>= netstandard2.0)) (== netcoreapp2.1) (== netstandard2.0)
    Microsoft.Extensions.Options (5.0) - restriction: || (&& (== net461) (>= netstandard2.0)) (== netcoreapp2.1) (== netstandard2.0)
      Microsoft.Extensions.DependencyInjection.Abstractions (>= 5.0)
      Microsoft.Extensions.Primitives (>= 5.0)
    Microsoft.Extensions.Options.ConfigurationExtensions (5.0) - restriction: || (&& (== net461) (>= netstandard2.0)) (== netcoreapp2.1) (== netstandard2.0)
      Microsoft.Extensions.Configuration.Abstractions (>= 5.0)
      Microsoft.Extensions.Configuration.Binder (>= 5.0)
      Microsoft.Extensions.DependencyInjection.Abstractions (>= 5.0)
      Microsoft.Extensions.Options (>= 5.0)
      Microsoft.Extensions.Primitives (>= 5.0)
    Microsoft.Extensions.Primitives (5.0)
      System.Buffers (>= 4.5.1) - restriction: || (== net461) (&& (== netcoreapp2.1) (>= monotouch)) (&& (== netcoreapp2.1) (>= net461)) (&& (== netcoreapp2.1) (< netcoreapp2.0)) (&& (== netcoreapp2.1) (>= xamarinios)) (&& (== netcoreapp2.1) (>= xamarinmac)) (&& (== netcoreapp2.1) (>= xamarintvos)) (&& (== netcoreapp2.1) (>= xamarinwatchos)) (== netstandard2.0)
      System.Memory (>= 4.5.4) - restriction: || (== net461) (&& (== netcoreapp2.1) (>= net461)) (&& (== netcoreapp2.1) (< netcoreapp2.0)) (&& (== netcoreapp2.1) (>= uap10.1)) (== netstandard2.0)
      System.Runtime.CompilerServices.Unsafe (>= 5.0)
    Microsoft.Extensions.WebEncoders (5.0.1) - restriction: || (&& (== net461) (>= netstandard2.0)) (== netcoreapp2.1) (== netstandard2.0)
      Microsoft.Extensions.DependencyInjection.Abstractions (>= 5.0)
      Microsoft.Extensions.Options (>= 5.0)
      System.Text.Encodings.Web (>= 5.0)
    Microsoft.Net.Http.Headers (2.2.8) - restriction: || (&& (== net461) (>= netstandard2.0)) (== netcoreapp2.1) (== netstandard2.0)
      Microsoft.Extensions.Primitives (>= 2.2) - restriction: || (&& (== net461) (>= netstandard2.0)) (== netcoreapp2.1) (== netstandard2.0)
      System.Buffers (>= 4.5) - restriction: || (&& (== net461) (>= netstandard2.0)) (== netcoreapp2.1) (== netstandard2.0)
    Microsoft.NETCore.Platforms (5.0) - restriction: || (&& (== net461) (>= netcoreapp2.0)) (&& (== net461) (>= netcoreapp2.1)) (== netcoreapp2.1) (&& (== netstandard2.0) (>= netcoreapp2.0)) (&& (== netstandard2.0) (>= netcoreapp2.1))
    Microsoft.Win32.Registry (5.0) - restriction: || (&& (== net461) (>= netstandard2.0)) (== netcoreapp2.1) (== netstandard2.0)
      System.Buffers (>= 4.5.1) - restriction: || (&& (== net461) (>= monoandroid)) (&& (== net461) (>= monotouch)) (&& (== net461) (< net46) (>= netstandard2.0)) (&& (== net461) (>= xamarinios)) (&& (== net461) (>= xamarinmac)) (&& (== net461) (>= xamarintvos)) (&& (== net461) (>= xamarinwatchos)) (&& (== netcoreapp2.1) (>= monotouch)) (&& (== netcoreapp2.1) (< netcoreapp2.0)) (&& (== netcoreapp2.1) (>= xamarinios)) (&& (== netcoreapp2.1) (>= xamarinmac)) (&& (== netcoreapp2.1) (>= xamarintvos)) (&& (== netcoreapp2.1) (>= xamarinwatchos)) (== netstandard2.0)
      System.Memory (>= 4.5.4) - restriction: || (&& (== net461) (< net46) (>= netstandard2.0)) (&& (== net461) (>= netcoreapp2.0)) (&& (== net461) (>= uap10.1)) (&& (== netcoreapp2.1) (< netcoreapp2.0)) (&& (== netcoreapp2.1) (>= uap10.1)) (== netstandard2.0)
      System.Security.AccessControl (>= 5.0)
      System.Security.Principal.Windows (>= 5.0)
    System.Buffers (4.5.1)
    System.Collections.Immutable (5.0) - restriction: || (&& (== net461) (>= netstandard2.0)) (== netcoreapp2.1) (== netstandard2.0)
      System.Memory (>= 4.5.4) - restriction: || (== net461) (&& (== netcoreapp2.1) (>= net461)) (&& (== netcoreapp2.1) (< netstandard2.0)) (&& (== netcoreapp2.1) (>= uap10.1)) (== netstandard2.0)
    System.Diagnostics.DiagnosticSource (5.0) - restriction: || (&& (== net461) (>= netstandard2.0)) (&& (== net461) (>= netstandard2.1)) (== netcoreapp2.1) (== netstandard2.0)
      System.Memory (>= 4.5.4) - restriction: || (== net461) (&& (== netcoreapp2.1) (>= net45) (< netstandard1.3)) (&& (== netcoreapp2.1) (>= net46)) (&& (== netcoreapp2.1) (< netstandard2.0)) (&& (== netcoreapp2.1) (>= uap10.1)) (== netstandard2.0)
      System.Runtime.CompilerServices.Unsafe (>= 5.0)
    System.Formats.Asn1 (5.0) - restriction: || (&& (== net461) (== netcoreapp2.1)) (&& (== net461) (>= monoandroid) (>= netcoreapp2.0)) (&& (== net461) (>= monoandroid) (>= netstandard2.0)) (&& (== net461) (>= monoandroid) (>= netstandard2.1)) (&& (== net461) (>= monotouch) (>= netcoreapp2.0)) (&& (== net461) (>= monotouch) (>= netstandard2.0)) (&& (== net461) (>= monotouch) (>= netstandard2.1)) (&& (== net461) (>= netcoreapp2.0) (>= xamarintvos)) (&& (== net461) (>= netcoreapp2.0) (>= xamarinwatchos)) (&& (== net461) (>= netcoreapp2.1)) (&& (== net461) (>= netcoreapp3.0)) (&& (== net461) (>= netstandard2.0) (>= xamarintvos)) (&& (== net461) (>= netstandard2.0) (>= xamarinwatchos)) (&& (== net461) (>= netstandard2.1) (>= xamarintvos)) (&& (== net461) (>= netstandard2.1) (>= xamarinwatchos)) (&& (== net461) (>= xamarinios)) (&& (== net461) (>= xamarinmac)) (&& (== netcoreapp2.1) (>= monotouch)) (&& (== netcoreapp2.1) (< netcoreapp2.0)) (&& (== netcoreapp2.1) (>= netcoreapp3.0)) (&& (== netcoreapp2.1) (>= uap10.1)) (&& (== netcoreapp2.1) (>= xamarinios)) (&& (== netcoreapp2.1) (>= xamarinmac)) (&& (== netcoreapp2.1) (>= xamarintvos)) (&& (== netcoreapp2.1) (>= xamarinwatchos)) (== netstandard2.0)
      System.Buffers (>= 4.5.1) - restriction: || (== net461) (&& (== netcoreapp2.1) (>= monotouch)) (&& (== netcoreapp2.1) (>= net461)) (&& (== netcoreapp2.1) (< netcoreapp2.0)) (&& (== netcoreapp2.1) (>= xamarinios)) (&& (== netcoreapp2.1) (>= xamarinmac)) (&& (== netcoreapp2.1) (>= xamarintvos)) (&& (== netcoreapp2.1) (>= xamarinwatchos)) (== netstandard2.0)
      System.Memory (>= 4.5.4) - restriction: || (== net461) (&& (== netcoreapp2.1) (>= net461)) (&& (== netcoreapp2.1) (< netcoreapp2.0)) (&& (== netcoreapp2.1) (>= uap10.1)) (== netstandard2.0)
    System.IO.Pipelines (5.0.1) - restriction: || (&& (== net461) (>= netstandard2.0)) (== netcoreapp2.1) (== netstandard2.0)
      System.Buffers (>= 4.5.1) - restriction: || (== net461) (&& (== netcoreapp2.1) (>= monotouch)) (&& (== netcoreapp2.1) (>= net461)) (&& (== netcoreapp2.1) (< netcoreapp2.0)) (&& (== netcoreapp2.1) (< netstandard2.0)) (&& (== netcoreapp2.1) (>= xamarinios)) (&& (== netcoreapp2.1) (>= xamarinmac)) (&& (== netcoreapp2.1) (>= xamarintvos)) (&& (== netcoreapp2.1) (>= xamarinwatchos)) (== netstandard2.0)
      System.Memory (>= 4.5.4) - restriction: || (== net461) (&& (== netcoreapp2.1) (>= net461)) (&& (== netcoreapp2.1) (< netcoreapp2.0)) (&& (== netcoreapp2.1) (< netstandard2.0)) (&& (== netcoreapp2.1) (>= uap10.1)) (== netstandard2.0)
      System.Threading.Tasks.Extensions (>= 4.5.4) - restriction: || (== net461) (&& (== netcoreapp2.1) (>= net461)) (&& (== netcoreapp2.1) (< netcoreapp2.0)) (&& (== netcoreapp2.1) (< netstandard2.0)) (&& (== netcoreapp2.1) (>= uap10.1)) (== netstandard2.0)
    System.Memory (4.5.4)
      System.Buffers (>= 4.5.1) - restriction: || (== net461) (&& (== netcoreapp2.1) (>= monotouch)) (&& (== netcoreapp2.1) (>= net461)) (&& (== netcoreapp2.1) (< netcoreapp2.0)) (&& (== netcoreapp2.1) (< netstandard1.1)) (&& (== netcoreapp2.1) (< netstandard2.0)) (&& (== netcoreapp2.1) (>= xamarinios)) (&& (== netcoreapp2.1) (>= xamarinmac)) (&& (== netcoreapp2.1) (>= xamarintvos)) (&& (== netcoreapp2.1) (>= xamarinwatchos)) (== netstandard2.0)
      System.Numerics.Vectors (>= 4.4) - restriction: || (&& (== net461) (< net45) (>= netstandard2.0)) (&& (== netcoreapp2.1) (< netcoreapp2.0)) (== netstandard2.0)
      System.Runtime.CompilerServices.Unsafe (>= 4.5.3) - restriction: || (== net461) (&& (== netcoreapp2.1) (>= monotouch)) (&& (== netcoreapp2.1) (>= net461)) (&& (== netcoreapp2.1) (< netcoreapp2.0)) (&& (== netcoreapp2.1) (< netstandard1.1)) (&& (== netcoreapp2.1) (< netstandard2.0)) (&& (== netcoreapp2.1) (>= uap10.1)) (&& (== netcoreapp2.1) (>= xamarinios)) (&& (== netcoreapp2.1) (>= xamarinmac)) (&& (== netcoreapp2.1) (>= xamarintvos)) (&& (== netcoreapp2.1) (>= xamarinwatchos)) (== netstandard2.0)
    System.Numerics.Vectors (4.5) - restriction: || (&& (== net461) (>= netstandard2.0)) (&& (== net461) (>= netstandard2.1)) (== netcoreapp2.1) (== netstandard2.0)
    System.Reflection.Metadata (5.0) - restriction: || (&& (== net461) (>= netstandard2.0)) (== netcoreapp2.1) (== netstandard2.0)
      System.Collections.Immutable (>= 5.0)
    System.Runtime.CompilerServices.Unsafe (5.0)
    System.Security.AccessControl (5.0) - restriction: || (&& (== net461) (>= netcoreapp2.0)) (&& (== net461) (>= netcoreapp2.1)) (&& (== net461) (>= netstandard2.0)) (&& (== net461) (>= xamarinios)) (&& (== net461) (>= xamarinmac)) (== netcoreapp2.1) (== netstandard2.0)
      Microsoft.NETCore.Platforms (>= 5.0) - restriction: || (&& (== net461) (>= netcoreapp2.0)) (== netcoreapp2.1) (&& (== netstandard2.0) (>= netcoreapp2.0))
      System.Security.Principal.Windows (>= 5.0)
    System.Security.Cryptography.Cng (5.0) - restriction: || (&& (== net461) (>= monoandroid) (>= netcoreapp2.0)) (&& (== net461) (>= monoandroid) (>= netstandard2.1)) (&& (== net461) (>= monotouch) (>= netcoreapp2.0)) (&& (== net461) (>= monotouch) (>= netstandard2.1)) (&& (== net461) (>= netcoreapp2.0) (>= xamarintvos)) (&& (== net461) (>= netcoreapp2.0) (>= xamarinwatchos)) (&& (== net461) (>= netcoreapp2.1)) (&& (== net461) (>= netcoreapp3.0)) (&& (== net461) (>= netstandard2.0)) (&& (== net461) (>= netstandard2.1) (>= xamarintvos)) (&& (== net461) (>= netstandard2.1) (>= xamarinwatchos)) (&& (== net461) (>= xamarinios)) (&& (== net461) (>= xamarinmac)) (== netcoreapp2.1) (== netstandard2.0)
    System.Security.Cryptography.Pkcs (5.0.1) - restriction: || (&& (== net461) (>= monoandroid) (>= netstandard2.0)) (&& (== net461) (>= monotouch) (>= netstandard2.0)) (&& (== net461) (>= netcoreapp2.1)) (&& (== net461) (>= netstandard2.0) (>= xamarintvos)) (&& (== net461) (>= netstandard2.0) (>= xamarinwatchos)) (&& (== net461) (>= xamarinios)) (&& (== net461) (>= xamarinmac)) (== netcoreapp2.1) (== netstandard2.0)
      System.Buffers (>= 4.5.1) - restriction: || (&& (== net461) (< net46) (>= netstandard2.0)) (&& (== netcoreapp2.1) (< netcoreapp2.0)) (== netstandard2.0)
      System.Formats.Asn1 (>= 5.0) - restriction: || (&& (== net461) (>= monoandroid)) (&& (== net461) (>= monotouch)) (&& (== net461) (< net46) (>= netstandard2.0)) (&& (== net461) (>= netcoreapp2.0)) (&& (== net461) (>= netcoreapp3.0)) (&& (== net461) (>= netstandard2.1)) (&& (== net461) (>= uap10.1)) (&& (== net461) (>= xamarinios)) (&& (== net461) (>= xamarinmac)) (&& (== net461) (>= xamarintvos)) (&& (== net461) (>= xamarinwatchos)) (&& (== netcoreapp2.1) (>= monotouch)) (&& (== netcoreapp2.1) (< netcoreapp2.0)) (&& (== netcoreapp2.1) (>= netcoreapp3.0)) (&& (== netcoreapp2.1) (>= uap10.1)) (&& (== netcoreapp2.1) (>= xamarinios)) (&& (== netcoreapp2.1) (>= xamarinmac)) (&& (== netcoreapp2.1) (>= xamarintvos)) (&& (== netcoreapp2.1) (>= xamarinwatchos)) (== netstandard2.0)
      System.Memory (>= 4.5.4) - restriction: || (&& (== net461) (< net46) (>= netstandard2.0)) (&& (== net461) (>= netcoreapp2.0)) (&& (== net461) (>= uap10.1)) (&& (== netcoreapp2.1) (< netcoreapp2.0)) (&& (== netcoreapp2.1) (>= uap10.1)) (== netstandard2.0)
      System.Security.Cryptography.Cng (>= 5.0) - restriction: || (&& (== net461) (< net46) (>= netstandard2.0)) (&& (== net461) (>= netcoreapp2.0)) (&& (== net461) (>= netcoreapp2.1)) (&& (== net461) (>= netcoreapp3.0)) (&& (== net461) (>= netstandard2.1)) (== netcoreapp2.1) (== netstandard2.0)
    System.Security.Cryptography.Xml (5.0) - restriction: || (&& (== net461) (>= netstandard2.0)) (== netcoreapp2.1) (== netstandard2.0)
      System.Memory (>= 4.5.4) - restriction: == netstandard2.0
      System.Security.Cryptography.Pkcs (>= 5.0) - restriction: || (&& (== net461) (>= monoandroid)) (&& (== net461) (>= monotouch)) (&& (== net461) (>= netcoreapp2.1)) (&& (== net461) (>= xamarinios)) (&& (== net461) (>= xamarinmac)) (&& (== net461) (>= xamarintvos)) (&& (== net461) (>= xamarinwatchos)) (== netcoreapp2.1) (== netstandard2.0)
      System.Security.Permissions (>= 5.0)
    System.Security.Permissions (5.0) - restriction: || (&& (== net461) (>= netstandard2.0)) (== netcoreapp2.1) (== netstandard2.0)
      System.Security.AccessControl (>= 5.0)
    System.Security.Principal.Windows (5.0) - restriction: || (&& (== net461) (>= netstandard2.0)) (== netcoreapp2.1) (== netstandard2.0)
      Microsoft.NETCore.Platforms (>= 5.0) - restriction: || (&& (== net461) (>= netcoreapp2.0)) (&& (== net461) (>= netcoreapp2.1)) (== netcoreapp2.1) (&& (== netstandard2.0) (>= netcoreapp2.0)) (&& (== netstandard2.0) (>= netcoreapp2.1))
    System.Text.Encodings.Web (5.0) - restriction: || (&& (== net461) (>= netcoreapp2.0)) (&& (== net461) (>= netcoreapp2.1)) (&& (== net461) (>= netstandard2.0)) (&& (== net461) (>= netstandard2.1)) (&& (== net461) (>= xamarinios)) (&& (== net461) (>= xamarinmac)) (== netcoreapp2.1) (== netstandard2.0)
      System.Memory (>= 4.5.4) - restriction: || (== net461) (&& (== netcoreapp2.1) (>= net461)) (&& (== netcoreapp2.1) (>= uap10.1)) (== netstandard2.0)
    System.Text.Json (5.0) - restriction: || (&& (== net461) (>= netstandard2.0)) (&& (== net461) (>= netstandard2.1)) (== netcoreapp2.1) (== netstandard2.0)
      Microsoft.Bcl.AsyncInterfaces (>= 5.0)
      System.Buffers (>= 4.5.1) - restriction: || (== net461) (&& (== netcoreapp2.1) (>= monotouch)) (&& (== netcoreapp2.1) (>= net461)) (&& (== netcoreapp2.1) (< netcoreapp2.0)) (&& (== netcoreapp2.1) (>= xamarinios)) (&& (== netcoreapp2.1) (>= xamarinmac)) (&& (== netcoreapp2.1) (>= xamarintvos)) (&& (== netcoreapp2.1) (>= xamarinwatchos)) (== netstandard2.0)
      System.Memory (>= 4.5.4) - restriction: || (== net461) (&& (== netcoreapp2.1) (>= net461)) (&& (== netcoreapp2.1) (< netcoreapp2.0)) (&& (== netcoreapp2.1) (>= uap10.1)) (== netstandard2.0)
      System.Numerics.Vectors (>= 4.5) - restriction: || (== net461) (&& (== netcoreapp2.1) (>= net461)) (&& (== netcoreapp2.1) (< netcoreapp2.0)) (== netstandard2.0)
      System.Runtime.CompilerServices.Unsafe (>= 5.0)
      System.Text.Encodings.Web (>= 5.0)
      System.Threading.Tasks.Extensions (>= 4.5.4) - restriction: || (== net461) (&& (== netcoreapp2.1) (>= net461)) (&& (== netcoreapp2.1) (< netcoreapp2.0)) (&& (== netcoreapp2.1) (>= uap10.1)) (== netstandard2.0)
    System.Threading.Tasks.Extensions (4.5.4) - restriction: || (&& (== net461) (>= netcoreapp2.0)) (&& (== net461) (>= netstandard2.0)) (&& (== net461) (>= netstandard2.1)) (== netcoreapp2.1) (== netstandard2.0)
      System.Runtime.CompilerServices.Unsafe (>= 4.5.3) - restriction: || (== net461) (&& (== netcoreapp2.1) (>= net461)) (&& (== netcoreapp2.1) (< netstandard1.0)) (&& (== netcoreapp2.1) (< netstandard2.0)) (&& (== netcoreapp2.1) (>= wp8)) (== netstandard2.0)
    System.ValueTuple (4.5) - restriction: || (== net461) (&& (== netcoreapp2.1) (>= net461)) (&& (== netstandard2.0) (>= net461))
    WebSharper (4.7.0.423)
      FSharp.Core (>= 4.2.3)
    WebSharper.AspNetCore (4.7.0.157)
      FSharp.Core (>= 4.3.4)
      Microsoft.AspNetCore.Authentication.Abstractions (>= 2.0)
      Microsoft.AspNetCore.Hosting.Abstractions (>= 2.0)
      Microsoft.AspNetCore.Http.Abstractions (>= 2.0)
      Microsoft.Extensions.Configuration.Abstractions (>= 2.0)
      WebSharper (>= 4.7 < 4.8)
    WebSharper.FSharp (4.7.0.423)
      WebSharper (4.7.0.423)
    WebSharper.UI (4.7.0.231)
      HtmlAgilityPack (>= 1.7.1)
      WebSharper (>= 4.7 < 4.8)

GROUP wsbuild

GIT
  remote: https://github.com/dotnet-websharper/build-script
     (7155f2cb840374092cbe8eb2c8f1399c5c97f4af)