STORAGE: NONE
RESTRICTION: || (== net461) (== netcoreapp2.0) (== netstandard2.0)
NUGET
  remote: https://api.nuget.org/v3/index.json
    FSharp.Core (4.3.4)
    HtmlAgilityPack (1.11.28)
    Microsoft.AspNetCore (2.2)
      Microsoft.AspNetCore.Diagnostics (>= 2.2) - restriction: || (&& (== net461) (>= netstandard2.0)) (== netcoreapp2.0) (== netstandard2.0)
      Microsoft.AspNetCore.HostFiltering (>= 2.2) - restriction: || (&& (== net461) (>= netstandard2.0)) (== netcoreapp2.0) (== netstandard2.0)
      Microsoft.AspNetCore.Hosting (>= 2.2) - restriction: || (&& (== net461) (>= netstandard2.0)) (== netcoreapp2.0) (== netstandard2.0)
      Microsoft.AspNetCore.Routing (>= 2.2) - restriction: || (&& (== net461) (>= netstandard2.0)) (== netcoreapp2.0) (== netstandard2.0)
      Microsoft.AspNetCore.Server.IIS (>= 2.2) - restriction: || (&& (== net461) (>= netstandard2.0)) (== netcoreapp2.0) (== netstandard2.0)
      Microsoft.AspNetCore.Server.IISIntegration (>= 2.2) - restriction: || (&& (== net461) (>= netstandard2.0)) (== netcoreapp2.0) (== netstandard2.0)
      Microsoft.AspNetCore.Server.Kestrel (>= 2.2) - restriction: || (&& (== net461) (>= netstandard2.0)) (== netcoreapp2.0) (== netstandard2.0)
      Microsoft.AspNetCore.Server.Kestrel.Https (>= 2.2) - restriction: || (&& (== net461) (>= netstandard2.0)) (== netcoreapp2.0) (== netstandard2.0)
      Microsoft.Extensions.Configuration.CommandLine (>= 2.2) - restriction: || (&& (== net461) (>= netstandard2.0)) (== netcoreapp2.0) (== netstandard2.0)
      Microsoft.Extensions.Configuration.EnvironmentVariables (>= 2.2) - restriction: || (&& (== net461) (>= netstandard2.0)) (== netcoreapp2.0) (== netstandard2.0)
      Microsoft.Extensions.Configuration.FileExtensions (>= 2.2) - restriction: || (&& (== net461) (>= netstandard2.0)) (== netcoreapp2.0) (== netstandard2.0)
      Microsoft.Extensions.Configuration.Json (>= 2.2) - restriction: || (&& (== net461) (>= netstandard2.0)) (== netcoreapp2.0) (== netstandard2.0)
      Microsoft.Extensions.Configuration.UserSecrets (>= 2.2) - restriction: || (&& (== net461) (>= netstandard2.0)) (== netcoreapp2.0) (== netstandard2.0)
      Microsoft.Extensions.Logging (>= 2.2) - restriction: || (&& (== net461) (>= netstandard2.0)) (== netcoreapp2.0) (== netstandard2.0)
      Microsoft.Extensions.Logging.Configuration (>= 2.2) - restriction: || (&& (== net461) (>= netstandard2.0)) (== netcoreapp2.0) (== netstandard2.0)
      Microsoft.Extensions.Logging.Console (>= 2.2) - restriction: || (&& (== net461) (>= netstandard2.0)) (== netcoreapp2.0) (== netstandard2.0)
      Microsoft.Extensions.Logging.Debug (>= 2.2) - restriction: || (&& (== net461) (>= netstandard2.0)) (== netcoreapp2.0) (== netstandard2.0)
      Microsoft.Extensions.Logging.EventSource (>= 2.2) - restriction: || (&& (== net461) (>= netstandard2.0)) (== netcoreapp2.0) (== netstandard2.0)
    Microsoft.AspNetCore.Authentication (2.2) - restriction: || (&& (== net461) (>= netstandard2.0)) (== netcoreapp2.0) (== netstandard2.0)
      Microsoft.AspNetCore.Authentication.Core (>= 2.2) - restriction: || (&& (== net461) (>= netstandard2.0)) (== netcoreapp2.0) (== netstandard2.0)
      Microsoft.AspNetCore.DataProtection (>= 2.2) - restriction: || (&& (== net461) (>= netstandard2.0)) (== netcoreapp2.0) (== netstandard2.0)
      Microsoft.AspNetCore.Http (>= 2.2) - restriction: || (&& (== net461) (>= netstandard2.0)) (== netcoreapp2.0) (== netstandard2.0)
      Microsoft.AspNetCore.Http.Extensions (>= 2.2) - restriction: || (&& (== net461) (>= netstandard2.0)) (== netcoreapp2.0) (== netstandard2.0)
      Microsoft.Extensions.Logging.Abstractions (>= 2.2) - restriction: || (&& (== net461) (>= netstandard2.0)) (== netcoreapp2.0) (== netstandard2.0)
      Microsoft.Extensions.Options (>= 2.2) - restriction: || (&& (== net461) (>= netstandard2.0)) (== netcoreapp2.0) (== netstandard2.0)
      Microsoft.Extensions.WebEncoders (>= 2.2) - restriction: || (&& (== net461) (>= netstandard2.0)) (== netcoreapp2.0) (== netstandard2.0)
    Microsoft.AspNetCore.Authentication.Abstractions (2.2)
      Microsoft.AspNetCore.Http.Abstractions (>= 2.2) - restriction: || (&& (== net461) (>= netstandard2.0)) (== netcoreapp2.0) (== netstandard2.0)
      Microsoft.Extensions.Logging.Abstractions (>= 2.2) - restriction: || (&& (== net461) (>= netstandard2.0)) (== netcoreapp2.0) (== netstandard2.0)
      Microsoft.Extensions.Options (>= 2.2) - restriction: || (&& (== net461) (>= netstandard2.0)) (== netcoreapp2.0) (== netstandard2.0)
    Microsoft.AspNetCore.Authentication.Cookies (2.2)
      Microsoft.AspNetCore.Authentication (>= 2.2) - restriction: || (&& (== net461) (>= netstandard2.0)) (== netcoreapp2.0) (== netstandard2.0)
    Microsoft.AspNetCore.Authentication.Core (2.2) - restriction: || (&& (== net461) (>= netstandard2.0)) (== netcoreapp2.0) (== netstandard2.0)
      Microsoft.AspNetCore.Authentication.Abstractions (>= 2.2) - restriction: || (&& (== net461) (>= netstandard2.0)) (== netcoreapp2.0) (== netstandard2.0)
      Microsoft.AspNetCore.Http (>= 2.2) - restriction: || (&& (== net461) (>= netstandard2.0)) (== netcoreapp2.0) (== netstandard2.0)
      Microsoft.AspNetCore.Http.Extensions (>= 2.2) - restriction: || (&& (== net461) (>= netstandard2.0)) (== netcoreapp2.0) (== netstandard2.0)
    Microsoft.AspNetCore.Connections.Abstractions (5.0) - restriction: || (&& (== net461) (>= netstandard2.0)) (== netcoreapp2.0) (== netstandard2.0)
      Microsoft.AspNetCore.Http.Features (>= 5.0)
      Microsoft.Bcl.AsyncInterfaces (>= 1.0)
    Microsoft.AspNetCore.Cryptography.Internal (5.0) - restriction: || (&& (== net461) (>= netstandard2.0)) (== netcoreapp2.0) (== netstandard2.0)
    Microsoft.AspNetCore.DataProtection (5.0) - restriction: || (&& (== net461) (>= netstandard2.0)) (== netcoreapp2.0) (== netstandard2.0)
      Microsoft.AspNetCore.Cryptography.Internal (>= 5.0)
      Microsoft.AspNetCore.DataProtection.Abstractions (>= 5.0)
      Microsoft.Extensions.DependencyInjection.Abstractions (>= 5.0)
      Microsoft.Extensions.Hosting.Abstractions (>= 5.0)
      Microsoft.Extensions.Logging.Abstractions (>= 5.0)
      Microsoft.Extensions.Options (>= 5.0)
      Microsoft.Win32.Registry (>= 5.0)
      System.Security.Cryptography.Xml (>= 5.0)
      System.Security.Principal.Windows (>= 5.0) - restriction: || (== netcoreapp2.0) (== netstandard2.0)
    Microsoft.AspNetCore.DataProtection.Abstractions (5.0) - restriction: || (&& (== net461) (>= netstandard2.0)) (== netcoreapp2.0) (== netstandard2.0)
    Microsoft.AspNetCore.Diagnostics (2.2) - restriction: || (&& (== net461) (>= netstandard2.0)) (== netcoreapp2.0) (== netstandard2.0)
      Microsoft.AspNetCore.Diagnostics.Abstractions (>= 2.2) - restriction: || (&& (== net461) (>= netstandard2.0)) (== netcoreapp2.0) (== netstandard2.0)
      Microsoft.AspNetCore.Hosting.Abstractions (>= 2.2) - restriction: || (&& (== net461) (>= netstandard2.0)) (== netcoreapp2.0) (== netstandard2.0)
      Microsoft.AspNetCore.Http.Extensions (>= 2.2) - restriction: || (&& (== net461) (>= netstandard2.0)) (== netcoreapp2.0) (== netstandard2.0)
      Microsoft.AspNetCore.WebUtilities (>= 2.2) - restriction: || (&& (== net461) (>= netstandard2.0)) (== netcoreapp2.0) (== netstandard2.0)
      Microsoft.Extensions.FileProviders.Physical (>= 2.2) - restriction: || (&& (== net461) (>= netstandard2.0)) (== netcoreapp2.0) (== netstandard2.0)
      Microsoft.Extensions.Logging.Abstractions (>= 2.2) - restriction: || (&& (== net461) (>= netstandard2.0)) (== netcoreapp2.0) (== netstandard2.0)
      Microsoft.Extensions.Options (>= 2.2) - restriction: || (&& (== net461) (>= netstandard2.0)) (== netcoreapp2.0) (== netstandard2.0)
      System.Diagnostics.DiagnosticSource (>= 4.5) - restriction: || (&& (== net461) (>= netstandard2.0)) (== netcoreapp2.0) (== netstandard2.0)
      System.Reflection.Metadata (>= 1.6) - restriction: || (&& (== net461) (>= netstandard2.0)) (== netcoreapp2.0) (== netstandard2.0)
    Microsoft.AspNetCore.Diagnostics.Abstractions (2.2) - restriction: || (&& (== net461) (>= netstandard2.0)) (== netcoreapp2.0) (== netstandard2.0)
    Microsoft.AspNetCore.HostFiltering (2.2) - restriction: || (&& (== net461) (>= netstandard2.0)) (== netcoreapp2.0) (== netstandard2.0)
      Microsoft.AspNetCore.Hosting.Abstractions (>= 2.2) - restriction: || (&& (== net461) (>= netstandard2.0)) (== netcoreapp2.0) (== netstandard2.0)
      Microsoft.AspNetCore.Http (>= 2.2) - restriction: || (&& (== net461) (>= netstandard2.0)) (== netcoreapp2.0) (== netstandard2.0)
      Microsoft.AspNetCore.Http.Extensions (>= 2.2) - restriction: || (&& (== net461) (>= netstandard2.0)) (== netcoreapp2.0) (== netstandard2.0)
      Microsoft.Extensions.Options (>= 2.2) - restriction: || (&& (== net461) (>= netstandard2.0)) (== netcoreapp2.0) (== netstandard2.0)
    Microsoft.AspNetCore.Hosting (2.2.7) - restriction: || (&& (== net461) (>= netstandard2.0)) (== netcoreapp2.0) (== netstandard2.0)
      Microsoft.AspNetCore.Hosting.Abstractions (>= 2.2) - restriction: || (&& (== net461) (>= netstandard2.0)) (== netcoreapp2.0) (== netstandard2.0)
      Microsoft.AspNetCore.Http (>= 2.2) - restriction: || (&& (== net461) (>= netstandard2.0)) (== netcoreapp2.0) (== netstandard2.0)
      Microsoft.AspNetCore.Http.Extensions (>= 2.2) - restriction: || (&& (== net461) (>= netstandard2.0)) (== netcoreapp2.0) (== netstandard2.0)
      Microsoft.Extensions.Configuration (>= 2.2) - restriction: || (&& (== net461) (>= netstandard2.0)) (== netcoreapp2.0) (== netstandard2.0)
      Microsoft.Extensions.Configuration.EnvironmentVariables (>= 2.2.4) - restriction: || (&& (== net461) (>= netstandard2.0)) (== netcoreapp2.0) (== netstandard2.0)
      Microsoft.Extensions.Configuration.FileExtensions (>= 2.2) - restriction: || (&& (== net461) (>= netstandard2.0)) (== netcoreapp2.0) (== netstandard2.0)
      Microsoft.Extensions.DependencyInjection (>= 2.2) - restriction: || (&& (== net461) (>= netstandard2.0)) (== netcoreapp2.0) (== netstandard2.0)
      Microsoft.Extensions.FileProviders.Physical (>= 2.2) - restriction: || (&& (== net461) (>= netstandard2.0)) (== netcoreapp2.0) (== netstandard2.0)
      Microsoft.Extensions.Hosting.Abstractions (>= 2.2) - restriction: || (&& (== net461) (>= netstandard2.0)) (== netcoreapp2.0) (== netstandard2.0)
      Microsoft.Extensions.Logging (>= 2.2) - restriction: || (&& (== net461) (>= netstandard2.0)) (== netcoreapp2.0) (== netstandard2.0)
      Microsoft.Extensions.Options (>= 2.2) - restriction: || (&& (== net461) (>= netstandard2.0)) (== netcoreapp2.0) (== netstandard2.0)
      System.Diagnostics.DiagnosticSource (>= 4.5.1) - restriction: || (&& (== net461) (>= netstandard2.0)) (== netcoreapp2.0) (== netstandard2.0)
      System.Reflection.Metadata (>= 1.6) - restriction: || (&& (== net461) (>= netstandard2.0)) (== netcoreapp2.0) (== netstandard2.0)
    Microsoft.AspNetCore.Hosting.Abstractions (2.2) - restriction: || (&& (== net461) (>= netstandard2.0)) (== netcoreapp2.0) (== netstandard2.0)
      Microsoft.AspNetCore.Hosting.Server.Abstractions (>= 2.2) - restriction: || (&& (== net461) (>= netstandard2.0)) (== netcoreapp2.0) (== netstandard2.0)
      Microsoft.AspNetCore.Http.Abstractions (>= 2.2) - restriction: || (&& (== net461) (>= netstandard2.0)) (== netcoreapp2.0) (== netstandard2.0)
      Microsoft.Extensions.Hosting.Abstractions (>= 2.2) - restriction: || (&& (== net461) (>= netstandard2.0)) (== netcoreapp2.0) (== netstandard2.0)
    Microsoft.AspNetCore.Hosting.Server.Abstractions (2.2) - restriction: || (&& (== net461) (>= netstandard2.0)) (== netcoreapp2.0) (== netstandard2.0)
      Microsoft.AspNetCore.Http.Features (>= 2.2) - restriction: || (&& (== net461) (>= netstandard2.0)) (== netcoreapp2.0) (== netstandard2.0)
      Microsoft.Extensions.Configuration.Abstractions (>= 2.2) - restriction: || (&& (== net461) (>= netstandard2.0)) (== netcoreapp2.0) (== netstandard2.0)
    Microsoft.AspNetCore.Http (2.2.2) - restriction: || (&& (== net461) (>= netstandard2.0)) (== netcoreapp2.0) (== netstandard2.0)
      Microsoft.AspNetCore.Http.Abstractions (>= 2.2) - restriction: || (&& (== net461) (>= netstandard2.0)) (== netcoreapp2.0) (== netstandard2.0)
      Microsoft.AspNetCore.WebUtilities (>= 2.2) - restriction: || (&& (== net461) (>= netstandard2.0)) (== netcoreapp2.0) (== netstandard2.0)
      Microsoft.Extensions.ObjectPool (>= 2.2) - restriction: || (&& (== net461) (>= netstandard2.0)) (== netcoreapp2.0) (== netstandard2.0)
      Microsoft.Extensions.Options (>= 2.2) - restriction: || (&& (== net461) (>= netstandard2.0)) (== netcoreapp2.0) (== netstandard2.0)
      Microsoft.Net.Http.Headers (>= 2.2) - restriction: || (&& (== net461) (>= netstandard2.0)) (== netcoreapp2.0) (== netstandard2.0)
    Microsoft.AspNetCore.Http.Abstractions (2.2)
      Microsoft.AspNetCore.Http.Features (>= 2.2) - restriction: || (&& (== net461) (>= netstandard2.0)) (== netcoreapp2.0) (== netstandard2.0)
      System.Text.Encodings.Web (>= 4.5) - restriction: || (&& (== net461) (>= netstandard2.0)) (== netcoreapp2.0) (== netstandard2.0)
    Microsoft.AspNetCore.Http.Extensions (2.2) - restriction: || (&& (== net461) (>= netstandard2.0)) (== netcoreapp2.0) (== netstandard2.0)
      Microsoft.AspNetCore.Http.Abstractions (>= 2.2) - restriction: || (&& (== net461) (>= netstandard2.0)) (== netcoreapp2.0) (== netstandard2.0)
      Microsoft.Extensions.FileProviders.Abstractions (>= 2.2) - restriction: || (&& (== net461) (>= netstandard2.0)) (== netcoreapp2.0) (== netstandard2.0)
      Microsoft.Net.Http.Headers (>= 2.2) - restriction: || (&& (== net461) (>= netstandard2.0)) (== netcoreapp2.0) (== netstandard2.0)
      System.Buffers (>= 4.5) - restriction: || (&& (== net461) (>= netstandard2.0)) (== netcoreapp2.0) (== netstandard2.0)
    Microsoft.AspNetCore.Http.Features (5.0) - restriction: || (&& (== net461) (>= netstandard2.0)) (== netcoreapp2.0) (== netstandard2.0)
      Microsoft.Extensions.Primitives (>= 5.0)
      System.IO.Pipelines (>= 5.0)
    Microsoft.AspNetCore.HttpOverrides (2.2) - restriction: || (&& (== net461) (>= netstandard2.0)) (== netcoreapp2.0) (== netstandard2.0)
      Microsoft.AspNetCore.Http.Extensions (>= 2.2) - restriction: || (&& (== net461) (>= netstandard2.0)) (== netcoreapp2.0) (== netstandard2.0)
      Microsoft.Extensions.Logging.Abstractions (>= 2.2) - restriction: || (&& (== net461) (>= netstandard2.0)) (== netcoreapp2.0) (== netstandard2.0)
      Microsoft.Extensions.Options (>= 2.2) - restriction: || (&& (== net461) (>= netstandard2.0)) (== netcoreapp2.0) (== netstandard2.0)
    Microsoft.AspNetCore.Routing (2.2.2) - restriction: || (&& (== net461) (>= netstandard2.0)) (== netcoreapp2.0) (== netstandard2.0)
      Microsoft.AspNetCore.Http.Extensions (>= 2.2)
      Microsoft.AspNetCore.Routing.Abstractions (>= 2.2)
      Microsoft.Extensions.Logging.Abstractions (>= 2.2)
      Microsoft.Extensions.ObjectPool (>= 2.2)
      Microsoft.Extensions.Options (>= 2.2)
    Microsoft.AspNetCore.Routing.Abstractions (2.2) - restriction: || (&& (== net461) (>= netstandard2.0)) (== netcoreapp2.0) (== netstandard2.0)
      Microsoft.AspNetCore.Http.Abstractions (>= 2.2) - restriction: || (&& (== net461) (>= netstandard2.0)) (== netcoreapp2.0) (== netstandard2.0)
    Microsoft.AspNetCore.Server.IIS (2.2.6) - restriction: || (&& (== net461) (>= netstandard2.0)) (== netcoreapp2.0) (== netstandard2.0)
      Microsoft.AspNetCore.Authentication.Core (>= 2.2) - restriction: || (&& (== net461) (>= netstandard2.0)) (== netcoreapp2.0) (== netstandard2.0)
      Microsoft.AspNetCore.Connections.Abstractions (>= 2.2) - restriction: || (&& (== net461) (>= netstandard2.0)) (== netcoreapp2.0) (== netstandard2.0)
      Microsoft.AspNetCore.Hosting.Abstractions (>= 2.2) - restriction: || (&& (== net461) (>= netstandard2.0)) (== netcoreapp2.0) (== netstandard2.0)
      System.IO.Pipelines (>= 4.5.3) - restriction: || (&& (== net461) (>= netstandard2.0)) (== netcoreapp2.0) (== netstandard2.0)
      System.Security.Principal.Windows (>= 4.5) - restriction: || (&& (== net461) (>= netstandard2.0)) (== netcoreapp2.0) (== netstandard2.0)
    Microsoft.AspNetCore.Server.IISIntegration (2.2.1) - restriction: || (&& (== net461) (>= netstandard2.0)) (== netcoreapp2.0) (== netstandard2.0)
      Microsoft.AspNetCore.Authentication.Core (>= 2.2) - restriction: || (&& (== net461) (>= netstandard2.0)) (== netcoreapp2.0) (== netstandard2.0)
      Microsoft.AspNetCore.Hosting.Abstractions (>= 2.2) - restriction: || (&& (== net461) (>= netstandard2.0)) (== netcoreapp2.0) (== netstandard2.0)
      Microsoft.AspNetCore.Http (>= 2.2) - restriction: || (&& (== net461) (>= netstandard2.0)) (== netcoreapp2.0) (== netstandard2.0)
      Microsoft.AspNetCore.Http.Extensions (>= 2.2) - restriction: || (&& (== net461) (>= netstandard2.0)) (== netcoreapp2.0) (== netstandard2.0)
      Microsoft.AspNetCore.HttpOverrides (>= 2.2) - restriction: || (&& (== net461) (>= netstandard2.0)) (== netcoreapp2.0) (== netstandard2.0)
      Microsoft.Extensions.Logging.Abstractions (>= 2.2) - restriction: || (&& (== net461) (>= netstandard2.0)) (== netcoreapp2.0) (== netstandard2.0)
      Microsoft.Extensions.Options (>= 2.2) - restriction: || (&& (== net461) (>= netstandard2.0)) (== netcoreapp2.0) (== netstandard2.0)
      System.Buffers (>= 4.5) - restriction: || (&& (== net461) (>= netstandard2.0)) (== netcoreapp2.0) (== netstandard2.0)
      System.IO.Pipelines (>= 4.5.2) - restriction: || (&& (== net461) (>= netstandard2.0)) (== netcoreapp2.0) (== netstandard2.0)
      System.Memory (>= 4.5.1) - restriction: || (&& (== net461) (>= netstandard2.0)) (== netcoreapp2.0) (== netstandard2.0)
      System.Numerics.Vectors (>= 4.5) - restriction: || (&& (== net461) (>= netstandard2.0)) (== netcoreapp2.0) (== netstandard2.0)
      System.Runtime.CompilerServices.Unsafe (>= 4.5.1) - restriction: || (&& (== net461) (>= netstandard2.0)) (== netcoreapp2.0) (== netstandard2.0)
      System.Security.Principal.Windows (>= 4.5) - restriction: || (&& (== net461) (>= netstandard2.0)) (== netcoreapp2.0) (== netstandard2.0)
    Microsoft.AspNetCore.Server.Kestrel (2.2) - restriction: || (&& (== net461) (>= netstandard2.0)) (== netcoreapp2.0) (== netstandard2.0)
      Microsoft.AspNetCore.Hosting (>= 2.2) - restriction: || (&& (== net461) (>= netstandard2.0)) (== netcoreapp2.0) (== netstandard2.0)
      Microsoft.AspNetCore.Server.Kestrel.Core (>= 2.2) - restriction: || (&& (== net461) (>= netstandard2.0)) (== netcoreapp2.0) (== netstandard2.0)
      Microsoft.AspNetCore.Server.Kestrel.Https (>= 2.2) - restriction: || (&& (== net461) (>= netstandard2.0)) (== netcoreapp2.0) (== netstandard2.0)
      Microsoft.AspNetCore.Server.Kestrel.Transport.Sockets (>= 2.2) - restriction: || (&& (== net461) (>= netstandard2.0)) (== netcoreapp2.0) (== netstandard2.0)
    Microsoft.AspNetCore.Server.Kestrel.Core (2.2) - restriction: || (&& (== net461) (>= netstandard2.0)) (== netcoreapp2.0) (== netstandard2.0)
      Microsoft.AspNetCore.Hosting.Abstractions (>= 2.2)
      Microsoft.AspNetCore.Http (>= 2.2)
      Microsoft.AspNetCore.Server.Kestrel.Transport.Abstractions (>= 2.2)
      Microsoft.AspNetCore.WebUtilities (>= 2.2)
      Microsoft.Extensions.Configuration.Binder (>= 2.2)
      Microsoft.Extensions.Logging.Abstractions (>= 2.2)
      Microsoft.Extensions.Options (>= 2.2)
      Microsoft.Net.Http.Headers (>= 2.2)
      System.Memory (>= 4.5.1)
      System.Numerics.Vectors (>= 4.5)
      System.Runtime.CompilerServices.Unsafe (>= 4.5.1)
      System.Security.Cryptography.Cng (>= 4.5)
      System.Threading.Tasks.Extensions (>= 4.5.1)
    Microsoft.AspNetCore.Server.Kestrel.Https (2.2) - restriction: || (&& (== net461) (>= netstandard2.0)) (== netcoreapp2.0) (== netstandard2.0)
      Microsoft.AspNetCore.Http.Abstractions (>= 2.2)
      Microsoft.AspNetCore.Server.Kestrel.Core (>= 2.2)
    Microsoft.AspNetCore.Server.Kestrel.Transport.Abstractions (2.2) - restriction: || (&& (== net461) (>= netstandard2.0)) (== netcoreapp2.0) (== netstandard2.0)
      Microsoft.AspNetCore.Connections.Abstractions (>= 2.2) - restriction: || (&& (== net461) (>= netstandard2.0)) (== netcoreapp2.0) (== netstandard2.0)
    Microsoft.AspNetCore.Server.Kestrel.Transport.Sockets (2.2.1) - restriction: || (&& (== net461) (>= netstandard2.0)) (== netcoreapp2.0) (== netstandard2.0)
      Microsoft.AspNetCore.Hosting.Abstractions (>= 2.2)
      Microsoft.AspNetCore.Server.Kestrel.Transport.Abstractions (>= 2.2)
      Microsoft.Extensions.Options (>= 2.2)
    Microsoft.AspNetCore.StaticFiles (2.2)
      Microsoft.AspNetCore.Hosting.Abstractions (>= 2.2) - restriction: || (&& (== net461) (>= netstandard2.0)) (== netcoreapp2.0) (== netstandard2.0)
      Microsoft.AspNetCore.Http.Extensions (>= 2.2) - restriction: || (&& (== net461) (>= netstandard2.0)) (== netcoreapp2.0) (== netstandard2.0)
      Microsoft.Extensions.FileProviders.Abstractions (>= 2.2) - restriction: || (&& (== net461) (>= netstandard2.0)) (== netcoreapp2.0) (== netstandard2.0)
      Microsoft.Extensions.Logging.Abstractions (>= 2.2) - restriction: || (&& (== net461) (>= netstandard2.0)) (== netcoreapp2.0) (== netstandard2.0)
      Microsoft.Extensions.WebEncoders (>= 2.2) - restriction: || (&& (== net461) (>= netstandard2.0)) (== netcoreapp2.0) (== netstandard2.0)
    Microsoft.AspNetCore.WebUtilities (2.2)
      Microsoft.Net.Http.Headers (>= 2.2) - restriction: || (&& (== net461) (>= netstandard2.0)) (== netcoreapp2.0) (== netstandard2.0)
      System.Text.Encodings.Web (>= 4.5) - restriction: || (&& (== net461) (>= netstandard2.0)) (== netcoreapp2.0) (== netstandard2.0)
    Microsoft.Bcl.AsyncInterfaces (5.0) - restriction: || (&& (== net461) (>= netstandard2.0)) (== netcoreapp2.0) (== netstandard2.0)
      System.Threading.Tasks.Extensions (>= 4.5.4)
    Microsoft.Extensions.Configuration (5.0) - restriction: || (&& (== net461) (>= netstandard2.0)) (== netcoreapp2.0) (== netstandard2.0)
      Microsoft.Extensions.Configuration.Abstractions (>= 5.0)
      Microsoft.Extensions.Primitives (>= 5.0)
    Microsoft.Extensions.Configuration.Abstractions (5.0)
      Microsoft.Extensions.Primitives (>= 5.0)
      System.ValueTuple (>= 4.5) - restriction: || (== net461) (&& (== netcoreapp2.0) (>= net461)) (&& (== netstandard2.0) (>= net461))
    Microsoft.Extensions.Configuration.Binder (5.0) - restriction: || (&& (== net461) (>= netstandard2.0)) (== netcoreapp2.0) (== netstandard2.0)
      Microsoft.Extensions.Configuration.Abstractions (>= 5.0)
    Microsoft.Extensions.Configuration.CommandLine (5.0) - restriction: || (&& (== net461) (>= netstandard2.0)) (== netcoreapp2.0) (== netstandard2.0)
      Microsoft.Extensions.Configuration (>= 5.0)
      Microsoft.Extensions.Configuration.Abstractions (>= 5.0)
    Microsoft.Extensions.Configuration.EnvironmentVariables (5.0) - restriction: || (&& (== net461) (>= netstandard2.0)) (== netcoreapp2.0) (== netstandard2.0)
      Microsoft.Extensions.Configuration (>= 5.0)
      Microsoft.Extensions.Configuration.Abstractions (>= 5.0)
    Microsoft.Extensions.Configuration.FileExtensions (5.0) - restriction: || (&& (== net461) (>= netstandard2.0)) (== netcoreapp2.0) (== netstandard2.0)
      Microsoft.Extensions.Configuration (>= 5.0)
      Microsoft.Extensions.Configuration.Abstractions (>= 5.0)
      Microsoft.Extensions.FileProviders.Abstractions (>= 5.0)
      Microsoft.Extensions.FileProviders.Physical (>= 5.0)
      Microsoft.Extensions.Primitives (>= 5.0)
    Microsoft.Extensions.Configuration.Json (5.0) - restriction: || (&& (== net461) (>= netstandard2.0)) (== netcoreapp2.0) (== netstandard2.0)
      Microsoft.Extensions.Configuration (>= 5.0)
      Microsoft.Extensions.Configuration.Abstractions (>= 5.0)
      Microsoft.Extensions.Configuration.FileExtensions (>= 5.0)
      Microsoft.Extensions.FileProviders.Abstractions (>= 5.0)
      System.Text.Json (>= 5.0)
    Microsoft.Extensions.Configuration.UserSecrets (5.0) - restriction: || (&& (== net461) (>= netstandard2.0)) (== netcoreapp2.0) (== netstandard2.0)
      Microsoft.Extensions.Configuration.Abstractions (>= 5.0)
      Microsoft.Extensions.Configuration.Json (>= 5.0)
      Microsoft.Extensions.FileProviders.Abstractions (>= 5.0)
      Microsoft.Extensions.FileProviders.Physical (>= 5.0)
    Microsoft.Extensions.DependencyInjection (5.0) - restriction: || (&& (== net461) (>= netstandard2.0)) (== netcoreapp2.0) (== netstandard2.0)
      Microsoft.Bcl.AsyncInterfaces (>= 5.0)
      Microsoft.Extensions.DependencyInjection.Abstractions (>= 5.0)
      System.Threading.Tasks.Extensions (>= 4.5.4)
    Microsoft.Extensions.DependencyInjection.Abstractions (5.0) - restriction: || (&& (== net461) (>= netstandard2.0)) (== netcoreapp2.0) (== netstandard2.0)
    Microsoft.Extensions.FileProviders.Abstractions (5.0) - restriction: || (&& (== net461) (>= netstandard2.0)) (== netcoreapp2.0) (== netstandard2.0)
      Microsoft.Extensions.Primitives (>= 5.0)
    Microsoft.Extensions.FileProviders.Physical (5.0) - restriction: || (&& (== net461) (>= netstandard2.0)) (== netcoreapp2.0) (== netstandard2.0)
      Microsoft.Extensions.FileProviders.Abstractions (>= 5.0)
      Microsoft.Extensions.FileSystemGlobbing (>= 5.0)
      Microsoft.Extensions.Primitives (>= 5.0)
    Microsoft.Extensions.FileSystemGlobbing (5.0) - restriction: || (&& (== net461) (>= netstandard2.0)) (== netcoreapp2.0) (== netstandard2.0)
    Microsoft.Extensions.Hosting.Abstractions (5.0) - restriction: || (&& (== net461) (>= netstandard2.0)) (== netcoreapp2.0) (== netstandard2.0)
      Microsoft.Bcl.AsyncInterfaces (>= 5.0)
      Microsoft.Extensions.Configuration.Abstractions (>= 5.0)
      Microsoft.Extensions.DependencyInjection.Abstractions (>= 5.0)
      Microsoft.Extensions.FileProviders.Abstractions (>= 5.0)
      System.Threading.Tasks.Extensions (>= 4.5.4)
    Microsoft.Extensions.Logging (5.0) - restriction: || (&& (== net461) (>= netstandard2.0)) (== netcoreapp2.0) (== netstandard2.0)
      Microsoft.Extensions.DependencyInjection (>= 5.0)
      Microsoft.Extensions.DependencyInjection.Abstractions (>= 5.0)
      Microsoft.Extensions.Logging.Abstractions (>= 5.0)
      Microsoft.Extensions.Options (>= 5.0)
      System.Diagnostics.DiagnosticSource (>= 5.0)
    Microsoft.Extensions.Logging.Abstractions (5.0) - restriction: || (&& (== net461) (>= netstandard2.0)) (== netcoreapp2.0) (== netstandard2.0)
    Microsoft.Extensions.Logging.Configuration (5.0) - restriction: || (&& (== net461) (>= netstandard2.0)) (== netcoreapp2.0) (== netstandard2.0)
      Microsoft.Extensions.Configuration (>= 5.0)
      Microsoft.Extensions.Configuration.Abstractions (>= 5.0)
      Microsoft.Extensions.Configuration.Binder (>= 5.0)
      Microsoft.Extensions.DependencyInjection.Abstractions (>= 5.0)
      Microsoft.Extensions.Logging (>= 5.0)
      Microsoft.Extensions.Logging.Abstractions (>= 5.0)
      Microsoft.Extensions.Options (>= 5.0)
      Microsoft.Extensions.Options.ConfigurationExtensions (>= 5.0)
    Microsoft.Extensions.Logging.Console (5.0) - restriction: || (&& (== net461) (>= netstandard2.0)) (== netcoreapp2.0) (== netstandard2.0)
      Microsoft.Extensions.Configuration.Abstractions (>= 5.0)
      Microsoft.Extensions.DependencyInjection.Abstractions (>= 5.0)
      Microsoft.Extensions.Logging (>= 5.0)
      Microsoft.Extensions.Logging.Abstractions (>= 5.0)
      Microsoft.Extensions.Logging.Configuration (>= 5.0)
      Microsoft.Extensions.Options (>= 5.0)
      Microsoft.Extensions.Options.ConfigurationExtensions (>= 5.0)
      System.Buffers (>= 4.5.1) - restriction: || (== net461) (&& (== netcoreapp2.0) (>= monoandroid)) (&& (== netcoreapp2.0) (>= monotouch)) (&& (== netcoreapp2.0) (>= net461)) (&& (== netcoreapp2.0) (>= xamarinios)) (&& (== netcoreapp2.0) (>= xamarinmac)) (&& (== netcoreapp2.0) (>= xamarintvos)) (&& (== netcoreapp2.0) (>= xamarinwatchos)) (== netstandard2.0)
      System.Memory (>= 4.5.4)
      System.Text.Json (>= 5.0)
    Microsoft.Extensions.Logging.Debug (5.0) - restriction: || (&& (== net461) (>= netstandard2.0)) (== netcoreapp2.0) (== netstandard2.0)
      Microsoft.Extensions.DependencyInjection.Abstractions (>= 5.0)
      Microsoft.Extensions.Logging (>= 5.0)
      Microsoft.Extensions.Logging.Abstractions (>= 5.0)
    Microsoft.Extensions.Logging.EventSource (5.0) - restriction: || (&& (== net461) (>= netstandard2.0)) (== netcoreapp2.0) (== netstandard2.0)
      Microsoft.Extensions.DependencyInjection.Abstractions (>= 5.0)
      Microsoft.Extensions.Logging (>= 5.0)
      Microsoft.Extensions.Logging.Abstractions (>= 5.0)
      Microsoft.Extensions.Options (>= 5.0)
      Microsoft.Extensions.Primitives (>= 5.0)
      System.Runtime.CompilerServices.Unsafe (>= 5.0)
      System.Text.Json (>= 5.0)
    Microsoft.Extensions.ObjectPool (5.0) - restriction: || (&& (== net461) (>= netstandard2.0)) (== netcoreapp2.0) (== netstandard2.0)
    Microsoft.Extensions.Options (5.0) - restriction: || (&& (== net461) (>= netstandard2.0)) (== netcoreapp2.0) (== netstandard2.0)
      Microsoft.Extensions.DependencyInjection.Abstractions (>= 5.0)
      Microsoft.Extensions.Primitives (>= 5.0)
    Microsoft.Extensions.Options.ConfigurationExtensions (5.0) - restriction: || (&& (== net461) (>= netstandard2.0)) (== netcoreapp2.0) (== netstandard2.0)
      Microsoft.Extensions.Configuration.Abstractions (>= 5.0)
      Microsoft.Extensions.Configuration.Binder (>= 5.0)
      Microsoft.Extensions.DependencyInjection.Abstractions (>= 5.0)
      Microsoft.Extensions.Options (>= 5.0)
      Microsoft.Extensions.Primitives (>= 5.0)
    Microsoft.Extensions.Primitives (5.0)
      System.Buffers (>= 4.5.1) - restriction: || (== net461) (&& (== netcoreapp2.0) (>= monoandroid)) (&& (== netcoreapp2.0) (>= monotouch)) (&& (== netcoreapp2.0) (>= net461)) (&& (== netcoreapp2.0) (>= xamarinios)) (&& (== netcoreapp2.0) (>= xamarinmac)) (&& (== netcoreapp2.0) (>= xamarintvos)) (&& (== netcoreapp2.0) (>= xamarinwatchos)) (== netstandard2.0)
      System.Memory (>= 4.5.4)
      System.Runtime.CompilerServices.Unsafe (>= 5.0)
    Microsoft.Extensions.WebEncoders (5.0) - restriction: || (&& (== net461) (>= netstandard2.0)) (== netcoreapp2.0) (== netstandard2.0)
      Microsoft.Extensions.DependencyInjection.Abstractions (>= 5.0)
      Microsoft.Extensions.Options (>= 5.0)
      System.Text.Encodings.Web (>= 5.0)
    Microsoft.Net.Http.Headers (2.2.8) - restriction: || (&& (== net461) (>= netstandard2.0)) (== netcoreapp2.0) (== netstandard2.0)
      Microsoft.Extensions.Primitives (>= 2.2) - restriction: || (&& (== net461) (>= netstandard2.0)) (== netcoreapp2.0) (== netstandard2.0)
      System.Buffers (>= 4.5) - restriction: || (&& (== net461) (>= netstandard2.0)) (== netcoreapp2.0) (== netstandard2.0)
    Microsoft.NETCore.Platforms (5.0) - restriction: || (&& (== net461) (>= netcoreapp2.0)) (&& (== net461) (< netstandard1.3) (>= netstandard2.0)) (== netcoreapp2.0) (&& (== netstandard2.0) (>= netcoreapp2.0)) (&& (== netstandard2.0) (< netstandard1.3))
    Microsoft.Win32.Registry (5.0) - restriction: || (&& (== net461) (>= netstandard2.0)) (== netcoreapp2.0) (== netstandard2.0)
      System.Buffers (>= 4.5.1) - restriction: || (&& (== net461) (>= monoandroid)) (&& (== net461) (>= monotouch)) (&& (== net461) (< net46) (>= netstandard2.0)) (&& (== net461) (>= xamarinios)) (&& (== net461) (>= xamarinmac)) (&& (== net461) (>= xamarintvos)) (&& (== net461) (>= xamarinwatchos)) (&& (== netcoreapp2.0) (>= monoandroid)) (&& (== netcoreapp2.0) (>= monotouch)) (&& (== netcoreapp2.0) (>= xamarinios)) (&& (== netcoreapp2.0) (>= xamarinmac)) (&& (== netcoreapp2.0) (>= xamarintvos)) (&& (== netcoreapp2.0) (>= xamarinwatchos)) (== netstandard2.0)
      System.Memory (>= 4.5.4) - restriction: || (&& (== net461) (< net46) (>= netstandard2.0)) (&& (== net461) (>= netcoreapp2.0)) (&& (== net461) (< netstandard1.3)) (== netcoreapp2.0) (== netstandard2.0)
      System.Security.AccessControl (>= 5.0)
      System.Security.Principal.Windows (>= 5.0)
    System.Buffers (4.5.1) - restriction: || (&& (== net461) (== netcoreapp2.0)) (&& (== net461) (>= netstandard2.0)) (&& (== netcoreapp2.0) (>= monoandroid)) (&& (== netcoreapp2.0) (>= monotouch)) (&& (== netcoreapp2.0) (>= net461)) (&& (== netcoreapp2.0) (>= xamarinios)) (&& (== netcoreapp2.0) (>= xamarinmac)) (&& (== netcoreapp2.0) (>= xamarintvos)) (&& (== netcoreapp2.0) (>= xamarinwatchos)) (== netstandard2.0)
    System.Collections.Immutable (5.0) - restriction: || (&& (== net461) (>= netstandard2.0)) (== netcoreapp2.0) (== netstandard2.0)
      System.Memory (>= 4.5.4)
    System.Diagnostics.DiagnosticSource (5.0) - restriction: || (&& (== net461) (>= netstandard2.0)) (== netcoreapp2.0) (== netstandard2.0)
      System.Memory (>= 4.5.4)
      System.Runtime.CompilerServices.Unsafe (>= 5.0)
    System.Formats.Asn1 (5.0) - restriction: || (&& (== net461) (>= monoandroid) (>= netcoreapp2.0)) (&& (== net461) (>= monoandroid) (>= netstandard2.0)) (&& (== net461) (>= monotouch) (>= netcoreapp2.0)) (&& (== net461) (>= monotouch) (>= netstandard2.0)) (&& (== net461) (>= netcoreapp2.0) (>= xamarinios)) (&& (== net461) (>= netcoreapp2.0) (>= xamarinmac)) (&& (== net461) (>= netcoreapp2.0) (>= xamarintvos)) (&& (== net461) (>= netcoreapp2.0) (>= xamarinwatchos)) (&& (== net461) (>= netstandard2.0) (>= xamarinios)) (&& (== net461) (>= netstandard2.0) (>= xamarinmac)) (&& (== net461) (>= netstandard2.0) (>= xamarintvos)) (&& (== net461) (>= netstandard2.0) (>= xamarinwatchos)) (== netcoreapp2.0) (== netstandard2.0)
      System.Buffers (>= 4.5.1) - restriction: || (== net461) (&& (== netcoreapp2.0) (>= monoandroid)) (&& (== netcoreapp2.0) (>= monotouch)) (&& (== netcoreapp2.0) (>= net461)) (&& (== netcoreapp2.0) (>= xamarinios)) (&& (== netcoreapp2.0) (>= xamarinmac)) (&& (== netcoreapp2.0) (>= xamarintvos)) (&& (== netcoreapp2.0) (>= xamarinwatchos)) (== netstandard2.0)
      System.Memory (>= 4.5.4)
    System.IO.Pipelines (5.0) - restriction: || (&& (== net461) (>= netstandard2.0)) (== netcoreapp2.0) (== netstandard2.0)
      System.Buffers (>= 4.5.1) - restriction: || (== net461) (&& (== netcoreapp2.0) (>= monoandroid)) (&& (== netcoreapp2.0) (>= monotouch)) (&& (== netcoreapp2.0) (>= net461)) (&& (== netcoreapp2.0) (< netstandard2.0)) (&& (== netcoreapp2.0) (>= xamarinios)) (&& (== netcoreapp2.0) (>= xamarinmac)) (&& (== netcoreapp2.0) (>= xamarintvos)) (&& (== netcoreapp2.0) (>= xamarinwatchos)) (== netstandard2.0)
      System.Memory (>= 4.5.4)
      System.Threading.Tasks.Extensions (>= 4.5.4)
    System.Memory (4.5.4) - restriction: || (&& (== net461) (>= netstandard2.0)) (== netcoreapp2.0) (== netstandard2.0)
      System.Buffers (>= 4.5.1) - restriction: || (== net461) (&& (== netcoreapp2.0) (>= monoandroid)) (&& (== netcoreapp2.0) (>= monotouch)) (&& (== netcoreapp2.0) (>= net461)) (&& (== netcoreapp2.0) (< netstandard1.1)) (&& (== netcoreapp2.0) (< netstandard2.0)) (&& (== netcoreapp2.0) (>= wpa81)) (&& (== netcoreapp2.0) (>= xamarinios)) (&& (== netcoreapp2.0) (>= xamarinmac)) (&& (== netcoreapp2.0) (>= xamarintvos)) (&& (== netcoreapp2.0) (>= xamarinwatchos)) (== netstandard2.0)
      System.Numerics.Vectors (>= 4.4) - restriction: || (&& (== net461) (< net45) (>= netstandard2.0)) (== netstandard2.0)
      System.Runtime.CompilerServices.Unsafe (>= 4.5.3)
    System.Numerics.Vectors (4.5) - restriction: || (&& (== net461) (>= netstandard2.0)) (== netcoreapp2.0) (== netstandard2.0)
    System.Reflection.Metadata (5.0) - restriction: || (&& (== net461) (>= netstandard2.0)) (== netcoreapp2.0) (== netstandard2.0)
      System.Collections.Immutable (>= 5.0)
    System.Runtime.CompilerServices.Unsafe (5.0) - restriction: || (&& (== net461) (>= netstandard2.0)) (== netcoreapp2.0) (== netstandard2.0)
    System.Security.AccessControl (5.0) - restriction: || (&& (== net461) (>= netcoreapp2.0)) (&& (== net461) (>= netstandard2.0)) (== netcoreapp2.0) (== netstandard2.0)
      Microsoft.NETCore.Platforms (>= 5.0) - restriction: || (&& (== net461) (>= netcoreapp2.0)) (== netcoreapp2.0) (&& (== netstandard2.0) (>= netcoreapp2.0))
      System.Security.Principal.Windows (>= 5.0)
    System.Security.Cryptography.Cng (5.0) - restriction: || (&& (== net461) (>= netstandard2.0)) (== netcoreapp2.0) (== netstandard2.0)
      Microsoft.NETCore.Platforms (>= 5.0) - restriction: || (&& (== net461) (>= netcoreapp2.0)) (== netcoreapp2.0) (&& (== netstandard2.0) (>= netcoreapp2.0))
    System.Security.Cryptography.Pkcs (5.0) - restriction: || (&& (== net461) (>= monoandroid) (>= netstandard2.0)) (&& (== net461) (>= monotouch) (>= netstandard2.0)) (&& (== net461) (>= netstandard2.0) (>= xamarinios)) (&& (== net461) (>= netstandard2.0) (>= xamarinmac)) (&& (== net461) (>= netstandard2.0) (>= xamarintvos)) (&& (== net461) (>= netstandard2.0) (>= xamarinwatchos)) (== netcoreapp2.0) (== netstandard2.0)
      System.Buffers (>= 4.5.1) - restriction: || (&& (== net461) (< net46) (>= netstandard2.0)) (== netstandard2.0)
      System.Formats.Asn1 (>= 5.0) - restriction: || (&& (== net461) (>= monoandroid)) (&& (== net461) (>= monotouch)) (&& (== net461) (< net46) (>= netstandard2.0)) (&& (== net461) (>= netcoreapp2.0)) (&& (== net461) (< netstandard1.3)) (&& (== net461) (>= xamarinios)) (&& (== net461) (>= xamarinmac)) (&& (== net461) (>= xamarintvos)) (&& (== net461) (>= xamarinwatchos)) (== netcoreapp2.0) (== netstandard2.0)
      System.Memory (>= 4.5.4) - restriction: || (&& (== net461) (< net46) (>= netstandard2.0)) (&& (== net461) (>= netcoreapp2.0)) (&& (== net461) (< netstandard1.3)) (== netcoreapp2.0) (== netstandard2.0)
      System.Security.Cryptography.Cng (>= 5.0) - restriction: || (&& (== net461) (< net46) (>= netstandard2.0)) (&& (== net461) (>= netcoreapp2.0)) (&& (== net461) (< netstandard1.3)) (== netcoreapp2.0) (== netstandard2.0)
    System.Security.Cryptography.Xml (5.0) - restriction: || (&& (== net461) (>= netstandard2.0)) (== netcoreapp2.0) (== netstandard2.0)
      System.Memory (>= 4.5.4) - restriction: || (== netcoreapp2.0) (== netstandard2.0)
      System.Security.Cryptography.Pkcs (>= 5.0) - restriction: || (&& (== net461) (>= monoandroid)) (&& (== net461) (>= monotouch)) (&& (== net461) (>= xamarinios)) (&& (== net461) (>= xamarinmac)) (&& (== net461) (>= xamarintvos)) (&& (== net461) (>= xamarinwatchos)) (== netcoreapp2.0) (== netstandard2.0)
      System.Security.Permissions (>= 5.0)
    System.Security.Permissions (5.0) - restriction: || (&& (== net461) (>= netstandard2.0)) (== netcoreapp2.0) (== netstandard2.0)
      System.Security.AccessControl (>= 5.0)
    System.Security.Principal.Windows (5.0) - restriction: || (&& (== net461) (>= netstandard2.0)) (== netcoreapp2.0) (== netstandard2.0)
      Microsoft.NETCore.Platforms (>= 5.0) - restriction: || (&& (== net461) (>= netcoreapp2.0)) (&& (== net461) (< netstandard1.3)) (== netcoreapp2.0) (&& (== netstandard2.0) (>= netcoreapp2.0)) (&& (== netstandard2.0) (< netstandard1.3))
    System.Text.Encodings.Web (5.0) - restriction: || (&& (== net461) (>= netstandard2.0)) (== netcoreapp2.0) (== netstandard2.0)
      System.Memory (>= 4.5.4)
    System.Text.Json (5.0) - restriction: || (&& (== net461) (>= netstandard2.0)) (== netcoreapp2.0) (== netstandard2.0)
      Microsoft.Bcl.AsyncInterfaces (>= 5.0)
      System.Buffers (>= 4.5.1) - restriction: || (== net461) (&& (== netcoreapp2.0) (>= monoandroid)) (&& (== netcoreapp2.0) (>= monotouch)) (&& (== netcoreapp2.0) (>= net461)) (&& (== netcoreapp2.0) (>= xamarinios)) (&& (== netcoreapp2.0) (>= xamarinmac)) (&& (== netcoreapp2.0) (>= xamarintvos)) (&& (== netcoreapp2.0) (>= xamarinwatchos)) (== netstandard2.0)
      System.Memory (>= 4.5.4)
      System.Numerics.Vectors (>= 4.5) - restriction: || (== net461) (&& (== netcoreapp2.0) (>= net461)) (== netstandard2.0)
      System.Runtime.CompilerServices.Unsafe (>= 5.0)
      System.Text.Encodings.Web (>= 5.0)
      System.Threading.Tasks.Extensions (>= 4.5.4)
    System.Threading.Tasks.Extensions (4.5.4) - restriction: || (&& (== net461) (>= netstandard2.0)) (== netcoreapp2.0) (== netstandard2.0)
      System.Runtime.CompilerServices.Unsafe (>= 4.5.3)
    System.ValueTuple (4.5) - restriction: || (== net461) (&& (== netcoreapp2.0) (>= net461)) (&& (== netstandard2.0) (>= net461))
  remote: https://daily.websharper.com/nuget
    WebSharper (4.7.0.417)
      FSharp.Core (>= 4.2.3)
    WebSharper.AspNetCore (4.7.0.145)
      FSharp.Core (>= 4.3.4)
      Microsoft.AspNetCore.Authentication.Abstractions (>= 2.0)
      Microsoft.AspNetCore.Hosting.Abstractions (>= 2.0)
      Microsoft.AspNetCore.Http.Abstractions (>= 2.0)
      Microsoft.Extensions.Configuration.Abstractions (>= 2.0)
      WebSharper (>= 4.7 < 4.8)
    WebSharper.FSharp (4.7.0.417)
      WebSharper (4.7.0.417)
    WebSharper.UI (4.7.0.225)
      HtmlAgilityPack (>= 1.7.1)
      WebSharper (>= 4.7 < 4.8)

GROUP build
RESTRICTION: == net45
NUGET
  remote: https://api.nuget.org/v3/index.json
    Chessie (0.6)
      FSharp.Core
    FAKE (5.16)
    FSharp.Compiler.Tools (10.2.3)
    FSharp.Core (5.0)
    Mono.Cecil (0.11.3)
    Newtonsoft.Json (12.0.3)
    Paket.Core (5.141)
      Chessie (>= 0.6)
      FSharp.Compiler.Tools
      FSharp.Core
      Mono.Cecil (>= 0.10.0-beta6)
      Newtonsoft.Json

GROUP wsbuild

GIT
  remote: https://github.com/dotnet-websharper/build-script
     (90eb54d1b2a21f568f22409b47814a7cf215900d)